{
  "AcquisitionMatrixPE": 104,
  "AcquisitionNumber": 1,
  "AcquisitionTime": "14:28:1.007500",
  "BandwidthPerPixelPhaseEncode": 13.935,
  "BaseResolution": 104,
  "CoilString": "C:HEA;HEP",
  "ConversionSoftware": "dcm2niix",
  "ConversionSoftwareVersion": "v1.0.20210317",
  "DerivedVendorReportedEchoSpacing": 0.000690017,
  "DeviceSerialNumber": "35450",
  "DwellTime": 2.1e-06,
  "EchoTime": 0.077,
  "EffectiveEchoSpacing": 0.000690017,
  "FlipAngle": 90,
  "ImageOrientationPatientDICOM": [0.999977, -0.00146741, 0.00667432, -6.77069e-08, 0.976671, 0.21474],
  "ImageType": [
    "ORIGINAL",
    "PRIMARY",
    "M",
    "ND",
    "MOSAIC"
],
  "ImagingFrequency": 123.235,
  "InPlanePhaseEncodingDirectionDICOM": "COL",
  "InstitutionAddress": "Univeristy Ave. 197,Newark,North East,US,07102-1814",
  "InstitutionName": "RUBIC",
  "InstitutionalDepartmentName": "Department",
  "MRAcquisitionType": "2D",
  "MagneticFieldStrength": 3,
  "Manufacturer": "Siemens",
  "ManufacturersModelName": "TrioTim",
  "Modality": "MR",
  "PartialFourier": 1,
  "PatientPosition": "HFS",
  "PercentPhaseFOV": 100,
  "PercentSampling": 100,
  "PhaseEncodingDirection": "j",
  "PhaseEncodingSteps": 104,
  "PhaseResolution": 1,
  "PixelBandwidth": 2289,
  "ProcedureStepDescription": "Cole^Michael",
  "ProtocolName": "cmrr_mbep2d_se_PA",
  "PulseSequenceDetails": "%CustomerSeq%\\cmrr_mbep2d_se",
  "ReceiveCoilName": "32Ch_Head",
  "ReconMatrixPE": 104,
  "RepetitionTime": 9.14,
  "SAR": 0.209849,
  "ScanOptions": "FS",
  "ScanningSequence": "EP",
  "SequenceName": "epse2d1_104",
  "SequenceVariant": "SK",
  "SeriesDescription": "cmrr_mbep2d_se_PA",
  "SeriesNumber": 9,
  "ShimSetting": [2140, -501, -7271, 583, -109, -1022, 214, -14],
  "SliceThickness": 2,
  "SliceTiming": [4.5875, 0, 4.715, 0.1275, 4.8425, 0.255, 4.97, 0.3825, 5.0975, 0.51, 5.225, 0.6375, 5.3525, 0.765, 5.48, 0.8925, 5.6075, 1.02, 5.735, 1.1475, 5.8625, 1.275, 5.99, 1.4025, 6.1175, 1.53, 6.245, 1.6575, 6.3725, 1.7825, 6.5, 1.91, 6.6275, 2.0375, 6.755, 2.165, 6.8825, 2.2925, 7.0075, 2.42, 7.135, 2.5475, 7.2625, 2.675, 7.39, 2.8025, 7.5175, 2.93, 7.645, 3.0575, 7.7725, 3.185, 7.9, 3.3125, 8.0275, 3.44, 8.155, 3.5675, 8.2825, 3.695, 8.41, 3.8225, 8.5375, 3.95, 8.665, 4.0775, 8.7925, 4.205, 8.92, 4.3325, 9.0475, 4.46],
  "SoftwareVersions": "syngo MR B19",
  "SpacingBetweenSlices": 2,
  "StationName": "MRC35450",
  "TotalReadoutTime": 0.0710717,
  "TxRefAmp": 314.489,
  "dcmmeta_affine": [
    [-1.999953269958496, -1.3541389876081666e-07, 0.013667447492480278, 102.15644836425781],
    [0.002934816526249051, 1.9533424377441406, 0.42947015166282654, -87.62615203857422],
    [0.01334863156080246, -0.4294801950454712, 1.9532968997955322, -55.25704574584961],
    [0.0, 0.0, 0.0, 1.0]
],
  "dcmmeta_reorient_transform": [
    [0.0, -1.0, 0.0, 103.0],
    [1.0, 0.0, 0.0, 0.0],
    [0.0, 0.0, 1.0, 0.0],
    [0.0, 0.0, 0.0, 1.0]
],
  "dcmmeta_shape": [104, 104, 72, 3],
  "dcmmeta_slice_dim": 2,
  "dcmmeta_version": 0.6,
  "global": {
    "const": {
      "AcquisitionMatrix": [104, 0, 0, 104],
      "AngioFlag": "N",
      "BitsAllocated": 16,
      "BitsStored": 12,
      "Columns": 936,
      "ContentTime": "142824.734000",
      "EchoNumbers": 1,
      "EchoTime": 77.0,
      "EchoTrainLength": 1,
      "FlipAngle": 90.0,
      "HighBit": 11,
      "ImageOrientationPatient": [0.99997664983877, -0.0014674083062, 0.00667431570232, -6.7706947e-08, 0.97667123027296, 0.21474009396734],
      "ImagePositionPatient": [-934.13695395659, -924.93769947241, -283.71029522668],
      "ImageType": [
        "ORIGINAL",
        "PRIMARY",
        "M",
        "ND",
        "MOSAIC"
],
      "ImagedNucleus": "1H",
      "ImagingFrequency": 123.234582,
      "InPlanePhaseEncodingDirection": "COL",
      "InstanceCreationTime": "142824.734000",
      "LargestImagePixelValue": 4095,
      "MRAcquisitionType": "2D",
      "MagneticFieldStrength": 3.0,
      "Manufacturer": "SIEMENS",
      "ManufacturerModelName": "TrioTim",
      "Modality": "MR",
      "NumberOfAverages": 1.0,
      "NumberOfPhaseEncodingSteps": 104,
      "PercentPhaseFieldOfView": 100.0,
      "PercentSampling": 100.0,
      "PerformedProcedureStepStartTime": "140629.484000",
      "PhotometricInterpretation": "MONOCHROME2",
      "PixelBandwidth": 2289.0,
      "PixelRepresentation": 0,
      "PixelSpacing": [2.0, 2.0],
      "ProtocolName": "cmrr_mbep2d_se_PA",
      "RepetitionTime": 9140.0,
      "Rows": 936,
      "SAR": 0.20984906165971,
      "SamplesPerPixel": 1,
      "ScanOptions": "FS",
      "ScanningSequence": "EP",
      "SequenceName": "epse2d1_104",
      "SequenceVariant": "SK",
      "SeriesDescription": "cmrr_mbep2d_se_PA",
      "SeriesNumber": 9,
      "SeriesTime": "142824.718000",
      "SliceLocation": -72.08500815856,
      "SliceThickness": 2.0,
      "SmallestImagePixelValue": 0,
      "SoftwareVersions": "syngo MR B19",
      "SpacingBetweenSlices": 2.0000000195831,
      "SpecificCharacterSet": "ISO_IR 100",
      "StudyID": "1",
      "StudyTime": "140629.453000",
      "TransmitCoilName": "Body",
      "VariableFlipAngleFlag": "N",
      "WindowCenterWidthExplanation": "Algo1",
      "dBdt": 0.0},
    "slices": {}
  },
  "time": {
    "samples": {
      "AcquisitionNumber": [1, 2, 3],
      "AcquisitionTime": ["142801.007500", "142810.185000", "142819.360000"],
      "InstanceNumber": [1, 2, 3],
      "WindowCenter": [613.0, 610.0, 613.0],
      "WindowWidth": [1357.0, 1351.0, 1358.0]
    },
    "slices": {}
  }
}