{
  "AcquisitionMatrixPE": 104,
  "AcquisitionNumber": 1,
  "AcquisitionTime": "11:55:5.725000",
  "BandwidthPerPixelPhaseEncode": 13.935,
  "BaseResolution": 104,
  "CoilString": "C:HEA;HEP",
  "ConversionSoftware": "dcm2niix",
  "ConversionSoftwareVersion": "v1.0.20210317",
  "DerivedVendorReportedEchoSpacing": 0.000690017,
  "DeviceSerialNumber": "35450",
  "DwellTime": 2.5e-06,
  "EchoTime": 0.0348,
  "EffectiveEchoSpacing": 0.000690017,
  "FlipAngle": 55,
  "ImageComments": "Unaliased MB8/PE3 (remote)",
  "ImageOrientationPatientDICOM": [1, -1.74543e-05, -6.82193e-05, -5.94602e-08, 0.968583, -0.248689],
  "ImageType": [
    "ORIGINAL",
    "PRIMARY",
    "M",
    "MB",
    "ND",
    "MOSAIC"
],
  "ImagingFrequency": 123.235,
  "InPlanePhaseEncodingDirectionDICOM": "COL",
  "InstitutionAddress": "Univeristy Ave. 197,Newark,North East,US,07102-1814",
  "InstitutionName": "RUBIC",
  "InstitutionalDepartmentName": "Department",
  "MRAcquisitionType": "2D",
  "MagneticFieldStrength": 3,
  "Manufacturer": "Siemens",
  "ManufacturersModelName": "TrioTim",
  "Modality": "MR",
  "MultibandAccelerationFactor": 8,
  "PartialFourier": 0.875,
  "PatientPosition": "HFS",
  "PercentPhaseFOV": 100,
  "PercentSampling": 100,
  "PhaseEncodingDirection": "j-",
  "PhaseEncodingSteps": 91,
  "PhaseResolution": 1,
  "PixelBandwidth": 1923,
  "ProcedureStepDescription": "Cole^Michael",
  "ProtocolName": "cmrr_mbep2d_bold_2mm_MB8_Task_8x",
  "PulseSequenceDetails": "%CustomerSeq%\\cmrr_mbep2d_bold",
  "ReceiveCoilName": "32Ch_Head",
  "ReconMatrixPE": 104,
  "RepetitionTime": 0.785,
  "SAR": 0.134922,
  "ScanOptions": "PFP\\FS",
  "ScanningSequence": "EP",
  "SequenceName": "epfid2d1_104",
  "SequenceVariant": "SK\\SS",
  "SeriesDescription": "cmrr_mbep2d_bold_2mm_MB8_Task_8x",
  "SeriesNumber": 21,
  "ShimSetting": [2133, -299, -7271, 496, 152, -502, -192, 16],
  "SliceThickness": 2,
  "SliceTiming": [0, 0.4375, 0.0875, 0.525, 0.175, 0.6125, 0.2625, 0.7, 0.35, 0, 0.4375, 0.0875, 0.525, 0.175, 0.6125, 0.2625, 0.7, 0.35, 0, 0.4375, 0.0875, 0.525, 0.175, 0.6125, 0.2625, 0.7, 0.35, 0, 0.4375, 0.0875, 0.525, 0.175, 0.6125, 0.2625, 0.7, 0.35, 0, 0.4375, 0.0875, 0.525, 0.175, 0.6125, 0.2625, 0.7, 0.35, 0, 0.4375, 0.0875, 0.525, 0.175, 0.6125, 0.2625, 0.7, 0.35, 0, 0.4375, 0.0875, 0.525, 0.175, 0.6125, 0.2625, 0.7, 0.35, 0, 0.4375, 0.0875, 0.525, 0.175, 0.6125, 0.2625, 0.7, 0.35],
  "SoftwareVersions": "syngo MR B19",
  "SpacingBetweenSlices": 2,
  "StationName": "MRC35450",
  "TaskName": "cpro",
  "TotalReadoutTime": 0.0710717,
  "TxRefAmp": 330.163,
  "dcmmeta_affine": [
    [-2.0, -1.1892039708527591e-07, -0.00014083347923588008, 101.982421875],
    [3.490859307930805e-05, 1.937166690826416, -0.49737855792045593, -71.7582015991211],
    [-0.00013643853890243918, 0.49737855792045593, 1.937166690826416, -120.71822357177734],
    [0.0, 0.0, 0.0, 1.0]
],
  "dcmmeta_reorient_transform": [
    [0.0, -1.0, 0.0, 103.0],
    [1.0, 0.0, 0.0, 0.0],
    [0.0, 0.0, 1.0, 0.0],
    [0.0, 0.0, 0.0, 1.0]
],
  "dcmmeta_shape": [104, 104, 72, 581],
  "dcmmeta_slice_dim": 2,
  "dcmmeta_version": 0.6,
  "global": {
    "const": {
      "AcquisitionMatrix": [104, 0, 0, 104],
      "AngioFlag": "N",
      "BitsAllocated": 16,
      "BitsStored": 12,
      "Columns": 936,
      "EchoNumbers": 1,
      "EchoTime": 34.8,
      "EchoTrainLength": 1,
      "FlipAngle": 55.0,
      "HighBit": 11,
      "ImageOrientationPatient": [0.99999999752074, -1.74542964e-05, -6.82192675e-05, -5.9460198e-08, 0.96858331704981, -0.2486892798912],
      "ImagePositionPatient": [-933.98235627027, -933.6167577209, 137.47801042343],
      "ImageType": [
        "ORIGINAL",
        "PRIMARY",
        "M",
        "MB",
        "ND",
        "MOSAIC"
],
      "ImagedNucleus": "1H",
      "ImagingFrequency": 123.234517,
      "InPlanePhaseEncodingDirection": "COL",
      "MRAcquisitionType": "2D",
      "MagneticFieldStrength": 3.0,
      "Manufacturer": "SIEMENS",
      "ManufacturerModelName": "TrioTim",
      "Modality": "MR",
      "NumberOfAverages": 1.0,
      "NumberOfPhaseEncodingSteps": 91,
      "PercentPhaseFieldOfView": 100.0,
      "PercentSampling": 100.0,
      "PerformedProcedureStepStartTime": "100106.750000",
      "PhotometricInterpretation": "MONOCHROME2",
      "PixelBandwidth": 1923.0,
      "PixelRepresentation": 0,
      "PixelSpacing": [2.0, 2.0],
      "ProtocolName": "cmrr_mbep2d_bold_2mm_MB8_Task_8x",
      "RepetitionTime": 785.0,
      "Rows": 936,
      "SAR": 0.13492180444493,
      "SamplesPerPixel": 1,
      "ScanOptions": [
        "PFP",
        "FS"
],
      "ScanningSequence": "EP",
      "SequenceName": "epfid2d1_104",
      "SequenceVariant": [
        "SK",
        "SS"
],
      "SeriesDescription": "cmrr_mbep2d_bold_2mm_MB8_Task_8x",
      "SeriesNumber": 21,
      "SeriesTime": "115542.125000",
      "SliceLocation": -99.087339566512,
      "SliceThickness": 2.0,
      "SmallestImagePixelValue": 0,
      "SoftwareVersions": "syngo MR B19",
      "SpacingBetweenSlices": 2.000000041491,
      "SpecificCharacterSet": "ISO_IR 100",
      "StudyID": "1",
      "StudyTime": "100106.687000",
      "TransmitCoilName": "Body",
      "VariableFlipAngleFlag": "N",
      "WindowCenterWidthExplanation": "Algo1",
      "dBdt": 0.0},
