{
  "AcquisitionMatrixPE": 104,
  "AcquisitionNumber": 1,
  "AcquisitionTime": "16:08:8.265000",
  "BandwidthPerPixelPhaseEncode": 13.935,
  "BaseResolution": 104,
  "CoilString": "C:HEA;HEP",
  "ConversionSoftware": "dcm2niix",
  "ConversionSoftwareVersion": "v1.0.20210317",
  "DerivedVendorReportedEchoSpacing": 0.000690017,
  "DeviceSerialNumber": "35450",
  "DwellTime": 2.5e-06,
  "EchoTime": 0.0348,
  "EffectiveEchoSpacing": 0.000690017,
  "FlipAngle": 55,
  "ImageComments": "Single-band reference",
  "ImageOrientationPatientDICOM": [0.999455, 0.0011516, 0.0330027, -2.49611e-08, 0.999392, -0.0348722],
  "ImageType": [
    "ORIGINAL",
    "PRIMARY",
    "M",
    "ND",
    "MOSAIC"
],
  "ImagingFrequency": 123.235,
  "InPlanePhaseEncodingDirectionDICOM": "COL",
  "InstitutionAddress": "Univeristy Ave. 197,Newark,North East,US,07102-1814",
  "InstitutionName": "RUBIC",
  "InstitutionalDepartmentName": "Department",
  "MRAcquisitionType": "2D",
  "MagneticFieldStrength": 3,
  "Manufacturer": "Siemens",
  "ManufacturersModelName": "TrioTim",
  "Modality": "MR",
  "PartialFourier": 0.875,
  "PatientPosition": "HFS",
  "PercentPhaseFOV": 100,
  "PercentSampling": 100,
  "PhaseEncodingDirection": "j-",
  "PhaseEncodingSteps": 91,
  "PhaseResolution": 1,
  "PixelBandwidth": 1923,
  "ProcedureStepDescription": "Cole^Michael",
  "ProtocolName": "cmrr_mbep2d_bold_2mm_MB8_Task_8x",
  "PulseSequenceDetails": "%CustomerSeq%\\cmrr_mbep2d_bold",
  "ReceiveCoilName": "32Ch_Head",
  "ReconMatrixPE": 104,
  "RepetitionTime": 0.785,
  "SAR": 0.122387,
  "ScanOptions": "PFP\\FS",
  "ScanningSequence": "EP",
  "SequenceName": "epfid2d1_104",
  "SequenceVariant": "SK\\SS",
  "SeriesDescription": "cmrr_mbep2d_bold_2mm_MB8_Task_8x_SBRef",
  "SeriesNumber": 18,
  "ShimSetting": [2131, -432, -7335, 727, -145, -395, 180, -29],
  "SliceThickness": 2,
  "SliceTiming": [0, 0.09, 0.1775, 0.265, 0.3525, 0.44, 0.5275, 0.615, 0.7025, 0.79, 0.8775, 0.965, 1.0525, 1.14, 1.2275, 1.315, 1.4025, 1.49, 1.5775, 1.665, 1.7525, 1.84, 1.9275, 2.015, 2.1025, 2.19, 2.2775, 2.365, 2.4525, 2.54, 2.6275, 2.715, 2.8025, 2.89, 2.9775, 3.065, 3.1525, 3.24, 3.3275, 3.415, 3.5025, 3.59, 3.6775, 3.765, 3.8525, 3.94, 4.0275, 4.115, 4.2025, 4.29, 4.3775, 4.465, 4.5525, 4.64, 4.7275, 4.815, 4.9025, 4.99, 5.0775, 5.165, 5.2525, 5.34, 5.4275, 5.515, 5.6025, 5.69, 5.7775, 5.865, 5.9525, 6.04, 6.1275, 6.215],
  "SoftwareVersions": "syngo MR B19",
  "SpacingBetweenSlices": 2,
  "StationName": "MRC35450",
  "TaskName": "cpro",
  "TotalReadoutTime": 0.0710717,
  "TxRefAmp": 322.289,
  "dcmmeta_affine": [
    [-1.9989092350006104, -4.9922274314440074e-08, 0.06604553759098053, 101.6417236328125],
    [-0.0023032010067254305, 1.9987835884094238, -0.06970629841089249, -82.3194351196289],
    [0.06600537151098251, 0.06974433362483978, 1.997693419456482, -97.9209213256836],
    [0.0, 0.0, 0.0, 1.0]
],
  "dcmmeta_reorient_transform": [
    [0.0, -1.0, 0.0, 103.0],
    [1.0, 0.0, 0.0, 0.0],
    [0.0, 0.0, 1.0, 0.0],
    [0.0, 0.0, 0.0, 1.0]
],
  "dcmmeta_shape": [104, 104, 72],
  "dcmmeta_slice_dim": 2,
  "dcmmeta_version": 0.6,
  "global": {
    "const": {
      "AcquisitionMatrix": [104, 0, 0, 104],
      "AcquisitionNumber": 1,
      "AcquisitionTime": "160808.265000",
      "AngioFlag": "N",
      "BitsAllocated": 16,
      "BitsStored": 12,
      "Columns": 936,
      "ContentTime": "171748.656000",
      "DataSetTrailingPadding": "\u0000\u0000\u0000\u0000\u0000\u0000\u0000\u0000\u0000\u0000\u0000\u0000\u0000\u0000\u0000\u0000\u0000\u0000\u0000\u0000\u0000\u0000\u0000\u0000\u0000\u0000\u0000\u0000\u0000\u0000\u0000\u0000\u0000\u0000\u0000\u0000\u0000\u0000\u0000\u0000\u0000\u0000",
      "EchoNumbers": 1,
      "EchoTime": 34.8,
      "EchoTrainLength": 1,
      "FlipAngle": 55.0,
      "HighBit": 11,
      "ImageOrientationPatient": [0.99945459959621, 0.00115160049858, 0.0330026841677, -2.4961138e-08, 0.9993917810065, -0.034872167364],
      "ImagePositionPatient": [-933.18792789381, -956.00736340479, -89.181842500236],
      "ImageType": [
        "ORIGINAL",
        "PRIMARY",
        "M",
        "ND",
        "MOSAIC"
],
      "ImagedNucleus": "1H",
      "ImagingFrequency": 123.234906,
      "InPlanePhaseEncodingDirection": "COL",
      "InstanceCreationTime": "171748.656000",
      "InstanceNumber": 1,
      "LargestImagePixelValue": 3961,
      "MRAcquisitionType": "2D",
      "MagneticFieldStrength": 3.0,
      "Manufacturer": "SIEMENS",
      "ManufacturerModelName": "TrioTim",
      "Modality": "MR",
      "NumberOfAverages": 1.0,
      "NumberOfPhaseEncodingSteps": 91,
      "PercentPhaseFieldOfView": 100.0,
      "PercentSampling": 100.0,
      "PerformedProcedureStepStartTime": "145138.734000",
      "PhotometricInterpretation": "MONOCHROME2",
      "PixelBandwidth": 1923.0,
      "PixelRepresentation": 0,
      "PixelSpacing": [2.0, 2.0],
      "ProtocolName": "cmrr_mbep2d_bold_2mm_MB8_Task_8x",
      "RepetitionTime": 785.0,
      "Rows": 936,
      "SAR": 0.12238748232834,
      "SamplesPerPixel": 1,
      "ScanOptions": [
        "PFP",
        "FS"
],
      "ScanningSequence": "EP",
      "SequenceName": "epfid2d1_104",
      "SequenceVariant": [
        "SK",
        "SS"
],
      "SeriesDescription": "cmrr_mbep2d_bold_2mm_MB8_Task_8x_SBRef",
      "SeriesNumber": 18,
      "SeriesTime": "171748.640000",
      "SliceLocation": -91.582405172427,
      "SliceThickness": 2.0,
      "SmallestImagePixelValue": 0,
      "SoftwareVersions": "syngo MR B19",
      "SpacingBetweenSlices": 2.0000000266374,
      "SpecificCharacterSet": "ISO_IR 100",
      "StudyID": "1",
      "StudyTime": "145138.703000",
      "TransmitCoilName": "Body",
      "VariableFlipAngleFlag": "N",
      "WindowCenter": 633.0,
      "WindowCenterWidthExplanation": "Algo1",
      "WindowWidth": 1358.0,
      "dBdt": 0.0},
    "slices": {}
  }
}