{
  "AcquisitionMatrixPE": 104,
  "AcquisitionNumber": 1,
  "AcquisitionTime": "16:12:12.267500",
  "BandwidthPerPixelPhaseEncode": 13.935,
  "BaseResolution": 104,
  "CoilString": "C:HEA;HEP",
  "ConversionSoftware": "dcm2niix",
  "ConversionSoftwareVersion": "v1.0.20210317",
  "DerivedVendorReportedEchoSpacing": 0.000690017,
  "DeviceSerialNumber": "35450",
  "DwellTime": 2.5e-06,
  "EchoTime": 0.0348,
  "EffectiveEchoSpacing": 0.000690017,
  "FlipAngle": 55,
  "ImageComments": "Single-band reference",
  "ImageOrientationPatientDICOM": [0.999777, 0.00176062, 0.0210307, 1.39433e-08, 0.996514, -0.0834255],
  "ImageType": [
    "ORIGINAL",
    "PRIMARY",
    "M",
    "ND",
    "MOSAIC"
],
  "ImagingFrequency": 123.234,
  "InPlanePhaseEncodingDirectionDICOM": "COL",
  "InstitutionAddress": "Univeristy Ave. 197,Newark,North East,US,07102-1814",
  "InstitutionName": "RUBIC",
  "InstitutionalDepartmentName": "Department",
  "MRAcquisitionType": "2D",
  "MagneticFieldStrength": 3,
  "Manufacturer": "Siemens",
  "ManufacturersModelName": "TrioTim",
  "Modality": "MR",
  "PartialFourier": 0.875,
  "PatientPosition": "HFS",
  "PercentPhaseFOV": 100,
  "PercentSampling": 100,
  "PhaseEncodingDirection": "j-",
  "PhaseEncodingSteps": 91,
  "PhaseResolution": 1,
  "PixelBandwidth": 1923,
  "ProcedureStepDescription": "Cole^Michael",
  "ProtocolName": "cmrr_mbep2d_bold_2mm_MB8_Task_8x",
  "PulseSequenceDetails": "%CustomerSeq%\\cmrr_mbep2d_bold",
  "ReceiveCoilName": "32Ch_Head",
  "ReconMatrixPE": 104,
  "RepetitionTime": 0.785,
  "SAR": 0.13841,
  "ScanOptions": "PFP\\FS",
  "ScanningSequence": "EP",
  "SequenceName": "epfid2d1_104",
  "SequenceVariant": "SK\\SS",
  "SeriesDescription": "cmrr_mbep2d_bold_2mm_MB8_Task_8x_SBRef",
  "SeriesNumber": 18,
  "ShimSetting": [2159, -336, -7299, 826, 166, -240, 90, -51],
  "SliceThickness": 2,
  "SliceTiming": [0, 0.0875, 0.175, 0.2625, 0.35, 0.4375, 0.525, 0.6125, 0.7, 0.7875, 0.875, 0.9625, 1.05, 1.1375, 1.225, 1.3125, 1.4, 1.4875, 1.575, 1.6625, 1.75, 1.8375, 1.925, 2.0125, 2.1, 2.1875, 2.275, 2.3625, 2.45, 2.5375, 2.625, 2.7125, 2.8, 2.8875, 2.975, 3.0625, 3.1525, 3.24, 3.3275, 3.415, 3.5025, 3.59, 3.6775, 3.765, 3.8525, 3.94, 4.0275, 4.115, 4.2025, 4.29, 4.3775, 4.465, 4.5525, 4.64, 4.7275, 4.815, 4.9025, 4.99, 5.0775, 5.165, 5.2525, 5.34, 5.4275, 5.515, 5.6025, 5.69, 5.7775, 5.865, 5.9525, 6.04, 6.1275, 6.215],
  "SoftwareVersions": "syngo MR B19",
  "SpacingBetweenSlices": 2,
  "StationName": "MRC35450",
  "TaskName": "cpro",
  "TotalReadoutTime": 0.0710717,
  "TxRefAmp": 327.821,
  "dcmmeta_affine": [
    [-1.9995545148849487, 2.7886626341455667e-08, 0.042208634316921234, 102.43126678466797],
    [-0.0035212470684200525, 1.9930280447006226, -0.16681377589702606, -77.25505828857422],
    [0.042061496526002884, 0.16685092449188232, 1.992584228515625, -107.58609771728516],
    [0.0, 0.0, 0.0, 1.0]
],
  "dcmmeta_reorient_transform": [
    [0.0, -1.0, 0.0, 103.0],
    [1.0, 0.0, 0.0, 0.0],
    [0.0, 0.0, 1.0, 0.0],
    [0.0, 0.0, 0.0, 1.0]
],
  "dcmmeta_shape": [104, 104, 72],
  "dcmmeta_slice_dim": 2,
  "dcmmeta_version": 0.6,
  "global": {
    "const": {
      "AcquisitionMatrix": [104, 0, 0, 104],
      "AcquisitionNumber": 1,
      "AcquisitionTime": "161212.267500",
      "AngioFlag": "N",
      "BitsAllocated": 16,
      "BitsStored": 12,
      "Columns": 936,
      "ContentTime": "172053.156000",
      "DataSetTrailingPadding": "\u0000\u0000\u0000\u0000\u0000\u0000\u0000\u0000\u0000\u0000\u0000\u0000\u0000\u0000\u0000\u0000\u0000\u0000\u0000\u0000\u0000\u0000\u0000\u0000\u0000\u0000\u0000\u0000\u0000\u0000\u0000\u0000\u0000\u0000\u0000\u0000\u0000\u0000\u0000\u0000\u0000\u0000\u0000\u0000\u0000\u0000\u0000\u0000\u0000\u0000\u0000\u0000\u0000\u0000\u0000\u0000\u0000\u0000\u0000\u0000\u0000\u0000\u0000\u0000\u0000\u0000\u0000\u0000\u0000\u0000\u0000\u0000\u0000\u0000\u0000\u0000\u0000\u0000\u0000\u0000\u0000\u0000\u0000\u0000\u0000\u0000\u0000\u0000\u0000\u0000\u0000\u0000\u0000\u0000\u0000\u0000\u0000\u0000\u0000\u0000\u0000\u0000\u0000\u0000\u0000\u0000\u0000\u0000\u0000\u0000\u0000\u0000\u0000\u0000\u0000\u0000\u0000\u0000\u0000\u0000\u0000\u0000\u0000\u0000\u0000\u0000\u0000\u0000\u0000\u0000\u0000\u0000\u0000\u0000\u0000\u0000\u0000\u0000\u0000\u0000\u0000\u0000\u0000\u0000\u0000\u0000\u0000\u0000\u0000\u0000\u0000\u0000\u0000\u0000\u0000\u0000\u0000\u0000\u0000\u0000\u0000\u0000\u0000\u0000\u0000\u0000\u0000\u0000\u0000\u0000\u0000\u0000\u0000\u0000\u0000\u0000\u0000\u0000\u0000\u0000\u0000\u0000\u0000\u0000\u0000\u0000\u0000\u0000\u0000\u0000\u0000\u0000\u0000\u0000\u0000\u0000\u0000\u0000\u0000\u0000\u0000\u0000\u0000\u0000\u0000\u0000\u0000\u0000\u0000\u0000\u0000\u0000\u0000\u0000\u0000\u0000\u0000\u0000\u0000\u0000\u0000\u0000\u0000\u0000\u0000\u0000\u0000\u0000\u0000\u0000\u0000\u0000\u0000\u0000\u0000\u0000\u0000\u0000\u0000\u0000\u0000\u0000\u0000\u0000\u0000\u0000\u0000\u0000\u0000\u0000\u0000\u0000\u0000\u0000\u0000\u0000\u0000\u0000\u0000\u0000\u0000\u0000\u0000\u0000\u0000\u0000\u0000\u0000\u0000\u0000\u0000\u0000\u0000\u0000\u0000\u0000\u0000\u0000\u0000\u0000\u0000\u0000\u0000\u0000\u0000\u0000\u0000\u0000\u0000\u0000\u0000\u0000\u0000\u0000\u0000\u0000\u0000\u0000\u0000\u0000\u0000\u0000\u0000\u0000\u0000\u0000\u0000\u0000\u0000\u0000\u0000\u0000\u0000\u0000\u0000\u0000\u0000\u0000\u0000\u0000\u0000\u0000\u0000\u0000\u0000\u0000\u0000\u0000\u0000\u0000\u0000\u0000\u0000\u0000\u0000\u0000\u0000\u0000\u0000\u0000\u0000\u0000\u0000\u0000\u0000\u0000\u0000\u0000\u0000\u0000\u0000\u0000\u0000\u0000\u0000\u0000\u0000\u0000\u0000\u0000\u0000\u0000\u0000\u0000\u0000\u0000\u0000\u0000\u0000\u0000\u0000\u0000\u0000\u0000\u0000\u0000\u0000\u0000\u0000\u0000\u0000\u0000\u0000\u0000\u0000\u0000\u0000\u0000\u0000\u0000\u0000\u0000\u0000\u0000\u0000\u0000\u0000\u0000\u0000\u0000\u0000\u0000\u0000\u0000\u0000\u0000\u0000\u0000\u0000\u0000\u0000\u0000\u0000\u0000\u0000\u0000\u0000\u0000\u0000\u0000\u0000\u0000\u0000\u0000\u0000\u0000\u0000\u0000\u0000\u0000\u0000\u0000\u0000\u0000\u0000\u0000\u0000\u0000",
      "EchoNumbers": 1,
      "EchoTime": 34.8,
      "EchoTrainLength": 1,
      "FlipAngle": 55.0,
      "HighBit": 11,
      "ImageOrientationPatient": [0.99977727910647, 0.00176062353795, 0.02103074861289, 1.3943313e-08, 0.99651401987728, -0.0834254648654],
      "ImagePositionPatient": [-934.24597449055, -958.5913345472, -38.488049066617],
      "ImageType": [
        "ORIGINAL",
        "PRIMARY",
        "M",
        "ND",
        "MOSAIC"
],
      "ImagedNucleus": "1H",
      "ImagingFrequency": 123.234422,
      "InPlanePhaseEncodingDirection": "COL",
      "InstanceCreationTime": "172053.156000",
      "InstanceNumber": 1,
      "LargestImagePixelValue": 4095,
      "MRAcquisitionType": "2D",
      "MagneticFieldStrength": 3.0,
      "Manufacturer": "SIEMENS",
      "ManufacturerModelName": "TrioTim",
      "Modality": "MR",
      "NumberOfAverages": 1.0,
      "NumberOfPhaseEncodingSteps": 91,
      "PercentPhaseFieldOfView": 100.0,
      "PercentSampling": 100.0,
      "PerformedProcedureStepStartTime": "145545.781000",
      "PhotometricInterpretation": "MONOCHROME2",
      "PixelBandwidth": 1923.0,
      "PixelRepresentation": 0,
      "PixelSpacing": [2.0, 2.0],
      "ProtocolName": "cmrr_mbep2d_bold_2mm_MB8_Task_8x",
      "RepetitionTime": 785.0,
      "Rows": 936,
      "SAR": 0.13841048481297,
      "SamplesPerPixel": 1,
      "ScanOptions": [
        "PFP",
        "FS"
],
      "ScanningSequence": "EP",
      "SequenceName": "epfid2d1_104",
      "SequenceVariant": [
        "SK",
        "SS"
],
      "SeriesDescription": "cmrr_mbep2d_bold_2mm_MB8_Task_8x_SBRef",
      "SeriesNumber": 18,
      "SeriesTime": "172053.140000",
      "SliceLocation": -98.581832165198,
      "SliceThickness": 2.0,
      "SmallestImagePixelValue": 0,
      "SoftwareVersions": "syngo MR B19",
      "SpacingBetweenSlices": 2.0000000251118,
      "SpecificCharacterSet": "ISO_IR 100",
      "StudyID": "1",
      "StudyTime": "145545.687000",
      "TransmitCoilName": "Body",
      "VariableFlipAngleFlag": "N",
      "WindowCenter": 692.0,
      "WindowCenterWidthExplanation": "Algo1",
      "WindowWidth": 1516.0,
      "dBdt": 0.0},
    "slices": {}
  }
}