{
  "AcquisitionMatrixPE": 304,
  "AcquisitionNumber": 1,
  "AcquisitionTime": "10:55:14.360000",
  "BaseResolution": 320,
  "CoilString": "C:HEA;HEP",
  "ConversionSoftware": "dcm2niix",
  "ConversionSoftwareVersion": "v1.0.20210317",
  "DeviceSerialNumber": "35450",
  "DwellTime": 2.1e-06,
  "EchoTime": 0.571,
  "EchoTrainLength": 183,
  "FlipAngle": 120,
  "ImageOrientationPatientDICOM": [-0.0593063, 0.99824, 5.19046e-08, -0.116465, -0.00691926, -0.993171],
  "ImageType": [
    "ORIGINAL",
    "PRIMARY",
    "M",
    "ND"
],
  "ImagingFrequency": 123.234,
  "InPlanePhaseEncodingDirectionDICOM": "ROW",
  "InstitutionAddress": "Univeristy Ave. 197,Newark,North East,US,07102-1814",
  "InstitutionName": "RUBIC",
  "InstitutionalDepartmentName": "Department",
  "MRAcquisitionType": "3D",
  "MagneticFieldStrength": 3,
  "Manufacturer": "Siemens",
  "ManufacturersModelName": "TrioTim",
  "Modality": "MR",
  "ParallelReductionFactorInPlane": 2,
  "PartialFourier": 1,
  "PatientPosition": "HFS",
  "PercentPhaseFOV": 93.75,
  "PercentSampling": 101.212,
  "PhaseEncodingDirection": "i",
  "PhaseEncodingSteps": 310,
  "PhaseOversampling": 0.101562,
  "PhaseResolution": 1.01212,
  "PixelBandwidth": 744,
  "ProcedureStepDescription": "Cole^Michael",
  "ProtocolName": "t2_spc_sag_p2_iso",
  "PulseSequenceDetails": "%SiemensSeq%\\tse_vfl",
  "ReceiveCoilName": "32Ch_Head",
  "ReconMatrixPE": 300,
  "RefLinesPE": 32,
  "RepetitionTime": 3.2,
  "SAR": 0.368128,
  "ScanOptions": "PFP",
  "ScanningSequence": "SE",
  "SequenceName": "*spc3d1_366ns",
  "SequenceVariant": "SK\\SP\\OSP",
  "SeriesDescription": "t2_spc_sag_p2_iso",
  "SeriesNumber": 3,
  "ShimSetting": [2097, -359, -7619, -55, -7, -174, -114, 27],
  "SliceThickness": 0.83,
  "SoftwareVersions": "syngo MR B19",
  "StationName": "MRC35450",
  "TxRefAmp": 370.235,
  "dcmmeta_affine": [
    [0.8228806853294373, -0.04744507372379303, -0.09317229688167572, -66.67679595947266],
    [0.04888809844851494, 0.7985918521881104, -0.00553541025146842, -96.64427947998047],
    [0.09683670103549957, -4.1523705363033514e-08, 0.7945365309715271, -148.5572967529297],
    [0.0, 0.0, 0.0, 1.0]
],
  "dcmmeta_reorient_transform": [
    [0.0, 0.0, -1.0, 319.0],
    [0.0, -1.0, 0.0, 299.0],
    [-1.0, 0.0, 0.0, 207.0],
    [0.0, 0.0, 0.0, 1.0]
],
  "dcmmeta_shape": [208, 300, 320],
  "dcmmeta_slice_dim": 0,
  "dcmmeta_version": 0.6,
  "global": {
    "const": {
      "AcquisitionMatrix": [0, 320, 304, 0],
      "AcquisitionNumber": 1,
      "AcquisitionTime": "105514.360000",
      "AngioFlag": "N",
      "BitsAllocated": 16,
      "BitsStored": 12,
      "Columns": 300,
      "EchoNumbers": 1,
      "EchoTime": 571.0,
      "EchoTrainLength": 183,
      "FlipAngle": 120.0,
      "HighBit": 11,
      "ImageOrientationPatient": [-0.059306342901, 0.99823982974619, 5.1904633e-08, -0.1164653682142, -0.0069192625934, -0.9931706509014],
      "ImageType": [
        "ORIGINAL",
        "PRIMARY",
        "M",
        "ND"
],
      "ImagedNucleus": "1H",
      "ImagingFrequency": 123.23429,
      "InPlanePhaseEncodingDirection": "ROW",
      "MRAcquisitionType": "3D",
      "MagneticFieldStrength": 3.0,
      "Manufacturer": "SIEMENS",
      "ManufacturerModelName": "TrioTim",
      "Modality": "MR",
      "NumberOfAverages": 1.0,
      "NumberOfPhaseEncodingSteps": 310,
      "PercentPhaseFieldOfView": 93.75,
      "PercentSampling": 101.2121,
      "PerformedProcedureStepStartTime": "103144.671000",
      "PhotometricInterpretation": "MONOCHROME2",
      "PixelBandwidth": 744.0,
      "PixelRepresentation": 0,
      "PixelSpacing": [0.80000001192093, 0.80000001192093],
      "ProtocolName": "t2_spc_sag_p2_iso",
      "RepetitionTime": 3200.0,
      "Rows": 320,
      "SAR": 0.36812801710588,
      "SamplesPerPixel": 1,
      "ScanOptions": "PFP",
      "ScanningSequence": "SE",
      "SequenceName": "*spc3d1_366ns",
      "SequenceVariant": [
        "SK",
        "SP",
        "OSP"
],
      "SeriesDescription": "t2_spc_sag_p2_iso",
      "SeriesNumber": 3,
      "SeriesTime": "110116.187000",
      "SliceThickness": 0.8299999833107,
      "SmallestImagePixelValue": 0,
      "SoftwareVersions": "syngo MR B19",
      "SpecificCharacterSet": "ISO_IR 100",
      "StudyID": "1",
      "StudyTime": "103144.593000",
      "TransmitCoilName": "Body",
      "VariableFlipAngleFlag": "Y",
      "dBdt": 0.0},
