{
  "AcquisitionMatrixPE": 300,
  "AcquisitionNumber": 1,
  "AcquisitionTime": "12:35:31.032500",
  "BaseResolution": 320,
  "CoilString": "C:HEA;HEP",
  "ConversionSoftware": "dcm2niix",
  "ConversionSoftwareVersion": "v1.0.20210317",
  "DeviceSerialNumber": "35450",
  "DwellTime": 7.4e-06,
  "EchoTime": 0.00231,
  "FlipAngle": 8,
  "ImageOrientationPatientDICOM": [-0.0244322, 0.999701, -2.22823e-08, -0.0122133, -0.00029851, -0.999925],
  "ImageType": [
    "ORIGINAL",
    "PRIMARY",
    "M",
    "ND"
],
  "ImagingFrequency": 123.234,
  "InPlanePhaseEncodingDirectionDICOM": "ROW",
  "InstitutionAddress": "Univeristy Ave. 197,Newark,North East,US,07102-1814",
  "InstitutionName": "RUBIC",
  "InstitutionalDepartmentName": "Department",
  "InversionTime": 1,
  "MRAcquisitionType": "3D",
  "MagneticFieldStrength": 3,
  "Manufacturer": "Siemens",
  "ManufacturersModelName": "TrioTim",
  "Modality": "MR",
  "ParallelReductionFactorInPlane": 2,
  "PartialFourier": 1,
  "PatientPosition": "HFS",
  "PercentPhaseFOV": 93.75,
  "PercentSampling": 100,
  "PhaseEncodingSteps": 299,
  "PhaseResolution": 1,
  "PixelBandwidth": 211,
  "ProcedureStepDescription": "Cole^Michael",
  "ProtocolName": "t1_mpr_ns_sag_p2_iso_32Channel",
  "PulseSequenceDetails": "%SiemensSeq%\\tfl",
  "ReceiveCoilName": "32Ch_Head",
  "ReconMatrixPE": 300,
  "RefLinesPE": 32,
  "RepetitionTime": 2.4,
  "SAR": 0.067789,
  "ScanOptions": "IR\\WE",
  "ScanningSequence": "GR\\IR",
  "SequenceName": "*tfl3d1_ns",
  "SequenceVariant": "SP\\MP",
  "SeriesDescription": "t1_mpr_ns_sag_p2_iso_32Channel",
  "SeriesNumber": 2,
  "ShimSetting": [2078, -491, -7462, 566, -31, -355, -400, 81],
  "SliceThickness": 0.8,
  "SoftwareVersions": "syngo MR B19",
  "StationName": "MRC35450",
  "TxRefAmp": 325.176,
  "dcmmeta_affine": [
    [0.7997015118598938, -0.019545724615454674, -0.009770669043064117, -70.54974365234375],
    [0.019544266164302826, 0.799761176109314, -0.0002388076245551929, -95.90575408935547],
    [0.009773587808012962, 1.7825863452003432e-08, 0.799940288066864, -136.2594757080078],
    [0.0, 0.0, 0.0, 1.0]
],
  "dcmmeta_reorient_transform": [
    [0.0, 0.0, -1.0, 319.0],
    [0.0, -1.0, 0.0, 299.0],
    [-1.0, 0.0, 0.0, 191.0],
    [0.0, 0.0, 0.0, 1.0]
],
  "dcmmeta_shape": [192, 300, 320],
  "dcmmeta_slice_dim": 0,
  "dcmmeta_version": 0.6,
  "global": {
    "const": {
      "AcquisitionMatrix": [0, 320, 300, 0],
      "AcquisitionNumber": 1,
      "AcquisitionTime": "123531.032500",
      "AngioFlag": "N",
      "BitsAllocated": 16,
      "BitsStored": 12,
      "Columns": 300,
      "EchoNumbers": 1,
      "EchoTime": 2.31,
      "EchoTrainLength": 1,
      "FlipAngle": 8.0,
      "HighBit": 11,
      "ImageOrientationPatient": [-0.0244321561576, 0.99970149031873, -2.2282329e-08, -0.0122133365579, -0.0002985095346, -0.9999253698663],
      "ImageType": [
        "ORIGINAL",
        "PRIMARY",
        "M",
        "ND"
],
      "ImagedNucleus": "1H",
      "ImagingFrequency": 123.234478,
      "InPlanePhaseEncodingDirection": "ROW",
      "InversionTime": 1000.0,
      "MRAcquisitionType": "3D",
      "MagneticFieldStrength": 3.0,
      "Manufacturer": "SIEMENS",
      "ManufacturerModelName": "TrioTim",
      "Modality": "MR",
      "NumberOfAverages": 1.0,
      "NumberOfPhaseEncodingSteps": 299,
      "PercentPhaseFieldOfView": 93.75,
      "PercentSampling": 100.0,
      "PerformedProcedureStepStartTime": "120805.421000",
      "PhotometricInterpretation": "MONOCHROME2",
      "PixelBandwidth": 211.0,
      "PixelRepresentation": 0,
      "PixelSpacing": [0.80000001192093, 0.80000001192093],
      "ProtocolName": "t1_mpr_ns_sag_p2_iso_32Channel",
      "RepetitionTime": 2400.0,
      "Rows": 320,
      "SAR": 0.06778896102183,
      "SamplesPerPixel": 1,
      "ScanOptions": [
        "IR",
        "WE"
],
      "ScanningSequence": [
        "GR",
        "IR"
],
      "SequenceName": "*tfl3d1_ns",
      "SequenceVariant": [
        "SP",
        "MP"
],
      "SeriesDescription": "t1_mpr_ns_sag_p2_iso_32Channel",
      "SeriesNumber": 2,
      "SeriesTime": "124222.593000",
      "SliceThickness": 0.80000001192093,
      "SmallestImagePixelValue": 0,
      "SoftwareVersions": "syngo MR B19",
      "SpecificCharacterSet": "ISO_IR 100",
      "StudyID": "1",
      "StudyTime": "120805.375000",
      "TransmitCoilName": "Body",
      "VariableFlipAngleFlag": "N",
      "dBdt": 0.0},
