{
  "AcquisitionMatrixPE": 104,
  "AcquisitionNumber": 1,
  "AcquisitionTime": "14:44:26.022500",
  "BandwidthPerPixelPhaseEncode": 13.935,
  "BaseResolution": 104,
  "CoilString": "C:HEA;HEP",
  "ConversionSoftware": "dcm2niix",
  "ConversionSoftwareVersion": "v1.0.20210317",
  "DerivedVendorReportedEchoSpacing": 0.000690017,
  "DeviceSerialNumber": "35450",
  "DwellTime": 2.1e-06,
  "EchoTime": 0.077,
  "EffectiveEchoSpacing": 0.000690017,
  "FlipAngle": 90,
  "ImageOrientationPatientDICOM": [0.999925, 0.000724289, 0.0121913, 3.26753e-08, 0.99824, -0.0593083],
  "ImageType": [
    "ORIGINAL",
    "PRIMARY",
    "M",
    "ND",
    "MOSAIC"
],
  "ImagingFrequency": 123.234,
  "InPlanePhaseEncodingDirectionDICOM": "COL",
  "InstitutionAddress": "Univeristy Ave. 197,Newark,North East,US,07102-1814",
  "InstitutionName": "RUBIC",
  "InstitutionalDepartmentName": "Department",
  "MRAcquisitionType": "2D",
  "MagneticFieldStrength": 3,
  "Manufacturer": "Siemens",
  "ManufacturersModelName": "TrioTim",
  "Modality": "MR",
  "PartialFourier": 1,
  "PatientPosition": "HFS",
  "PercentPhaseFOV": 100,
  "PercentSampling": 100,
  "PhaseEncodingDirection": "j",
  "PhaseEncodingSteps": 104,
  "PhaseResolution": 1,
  "PixelBandwidth": 2289,
  "ProcedureStepDescription": "Cole^Michael",
  "ProtocolName": "cmrr_mbep2d_se_PA",
  "PulseSequenceDetails": "%CustomerSeq%\\cmrr_mbep2d_se",
  "ReceiveCoilName": "32Ch_Head",
  "ReconMatrixPE": 104,
  "RepetitionTime": 9.14,
  "SAR": 0.248247,
  "ScanOptions": "FS",
  "ScanningSequence": "EP",
  "SequenceName": "epse2d1_104",
  "SequenceVariant": "SK",
  "SeriesDescription": "cmrr_mbep2d_se_PA",
  "SeriesNumber": 7,
  "ShimSetting": [2112, -456, -7254, 654, 49, -311, -149, 15],
  "SliceThickness": 2,
  "SliceTiming": [4.5875, 0, 4.715, 0.1275, 4.8425, 0.255, 4.97, 0.38, 5.0975, 0.5075, 5.225, 0.635, 5.3525, 0.7625, 5.48, 0.89, 5.6075, 1.0175, 5.7325, 1.145, 5.86, 1.2725, 5.9875, 1.4, 6.115, 1.5275, 6.2425, 1.655, 6.37, 1.7825, 6.4975, 1.91, 6.625, 2.0375, 6.7525, 2.165, 6.88, 2.2925, 7.0075, 2.42, 7.135, 2.5475, 7.2625, 2.675, 7.39, 2.8025, 7.5175, 2.93, 7.645, 3.0575, 7.7725, 3.185, 7.9, 3.3125, 8.0275, 3.44, 8.155, 3.5675, 8.2825, 3.695, 8.41, 3.8225, 8.5375, 3.95, 8.665, 4.0775, 8.7925, 4.205, 8.92, 4.3325, 9.0475, 4.46],
  "SoftwareVersions": "syngo MR B19",
  "SpacingBetweenSlices": 2,
  "StationName": "MRC35450",
  "TotalReadoutTime": 0.0710717,
  "TxRefAmp": 330.384,
  "dcmmeta_affine": [
    [-1.999850869178772, 6.535065466550805e-08, 0.024425625801086426, 101.77136993408203],
    [-0.0014485777355730534, 1.9964793920516968, -0.11860779672861099, -89.56269073486328],
    [0.024382634088397026, 0.11861664801836014, 1.9963304996490479, -91.82665252685547],
    [0.0, 0.0, 0.0, 1.0]
],
  "dcmmeta_reorient_transform": [
    [0.0, -1.0, 0.0, 103.0],
    [1.0, 0.0, 0.0, 0.0],
    [0.0, 0.0, 1.0, 0.0],
    [0.0, 0.0, 0.0, 1.0]
],
  "dcmmeta_shape": [104, 104, 72, 3],
  "dcmmeta_slice_dim": 2,
  "dcmmeta_version": 0.6,
  "global": {
    "const": {
      "AcquisitionMatrix": [104, 0, 0, 104],
      "AngioFlag": "N",
      "BitsAllocated": 16,
      "BitsStored": 12,
      "Columns": 936,
      "ContentTime": "144451.015000",
      "EchoNumbers": 1,
      "EchoTime": 77.0,
      "EchoTrainLength": 1,
      "FlipAngle": 90.0,
      "HighBit": 11,
      "ImageOrientationPatient": [0.99992542081251, 0.00072428886562, 0.01219131734307, 3.2675328e-08, 0.99823971212994, -0.0593083225756],
      "ImagePositionPatient": [-933.70935110875, -947.21273996755, -40.407790963688],
      "ImageType": [
        "ORIGINAL",
        "PRIMARY",
        "M",
        "ND",
        "MOSAIC"
],
      "ImagedNucleus": "1H",
      "ImagingFrequency": 123.234434,
      "InPlanePhaseEncodingDirection": "COL",
      "InstanceCreationTime": "144451.015000",
      "LargestImagePixelValue": 4095,
      "MRAcquisitionType": "2D",
      "MagneticFieldStrength": 3.0,
      "Manufacturer": "SIEMENS",
      "ManufacturerModelName": "TrioTim",
      "Modality": "MR",
      "NumberOfAverages": 1.0,
      "NumberOfPhaseEncodingSteps": 104,
      "PercentPhaseFieldOfView": 100.0,
      "PercentSampling": 100.0,
      "PerformedProcedureStepStartTime": "134810.750000",
      "PhotometricInterpretation": "MONOCHROME2",
      "PixelBandwidth": 2289.0,
      "PixelRepresentation": 0,
      "PixelSpacing": [2.0, 2.0],
      "ProtocolName": "cmrr_mbep2d_se_PA",
      "RepetitionTime": 9140.0,
      "Rows": 936,
      "SAR": 0.24824695608375,
      "SamplesPerPixel": 1,
      "ScanOptions": "FS",
      "ScanningSequence": "EP",
      "SequenceName": "epse2d1_104",
      "SequenceVariant": "SK",
      "SeriesDescription": "cmrr_mbep2d_se_PA",
      "SeriesNumber": 7,
      "SeriesTime": "144451.015000",
      "SliceLocation": -85.10384462754,
      "SliceThickness": 2.0,
      "SmallestImagePixelValue": 0,
      "SoftwareVersions": "syngo MR B19",
      "SpacingBetweenSlices": 1.9999999478811,
      "SpecificCharacterSet": "ISO_IR 100",
      "StudyID": "1",
      "StudyTime": "134810.656000",
      "TransmitCoilName": "Body",
      "VariableFlipAngleFlag": "N",
      "WindowCenterWidthExplanation": "Algo1",
      "dBdt": 0.0},
