{
  "AcquisitionMatrixPE": 304,
  "AcquisitionNumber": 1,
  "AcquisitionTime": "10:39:48.547500",
  "BaseResolution": 320,
  "CoilString": "C:HEA;HEP",
  "ConversionSoftware": "dcm2niix",
  "ConversionSoftwareVersion": "v1.0.20210317",
  "DeviceSerialNumber": "35450",
  "DwellTime": 2.1e-06,
  "EchoTime": 0.571,
  "EchoTrainLength": 183,
  "FlipAngle": 120,
  "ImageOrientationPatientDICOM": [-0.0819385, 0.996637, 3.72352e-08, -0.00695777, -0.000571995, -0.999976],
  "ImageType": [
    "ORIGINAL",
    "PRIMARY",
    "M",
    "ND"
],
  "ImagingFrequency": 123.234,
  "InPlanePhaseEncodingDirectionDICOM": "ROW",
  "InstitutionAddress": "Univeristy Ave. 197,Newark,North East,US,07102-1814",
  "InstitutionName": "RUBIC",
  "InstitutionalDepartmentName": "Department",
  "MRAcquisitionType": "3D",
  "MagneticFieldStrength": 3,
  "Manufacturer": "Siemens",
  "ManufacturersModelName": "TrioTim",
  "Modality": "MR",
  "ParallelReductionFactorInPlane": 2,
  "PartialFourier": 1,
  "PatientPosition": "HFS",
  "PercentPhaseFOV": 93.75,
  "PercentSampling": 101.212,
  "PhaseEncodingDirection": "i",
  "PhaseEncodingSteps": 310,
  "PhaseOversampling": 0.101562,
  "PhaseResolution": 1.01212,
  "PixelBandwidth": 744,
  "ProcedureStepDescription": "Cole^Michael",
  "ProtocolName": "t2_spc_sag_p2_iso",
  "PulseSequenceDetails": "%SiemensSeq%\\tse_vfl",
  "ReceiveCoilName": "32Ch_Head",
  "ReconMatrixPE": 300,
  "RefLinesPE": 32,
  "RepetitionTime": 3.2,
  "SAR": 0.283319,
  "ScanOptions": "PFP",
  "ScanningSequence": "SE",
  "SequenceName": "*spc3d1_366ns",
  "SequenceVariant": "SK\\SP\\OSP",
  "SeriesDescription": "t2_spc_sag_p2_iso",
  "SeriesNumber": 3,
  "ShimSetting": [2097, -359, -7619, -55, -7, -174, -114, 27],
  "SliceThickness": 0.83,
  "SoftwareVersions": "syngo MR B19",
  "StationName": "MRC35450",
  "TxRefAmp": 323.504,
  "dcmmeta_affine": [
    [0.8271888494491577, -0.06555081903934479, -0.005566213745623827, -76.3184814453125],
    [0.06800731271505356, 0.797309935092926, -0.00045759626664221287, -105.41145324707031],
    [0.005794428754597902, -2.9788159494614774e-08, 0.7999805212020874, -153.559326171875],
    [0.0, 0.0, 0.0, 1.0]
],
  "dcmmeta_reorient_transform": [
    [0.0, 0.0, -1.0, 319.0],
    [0.0, -1.0, 0.0, 299.0],
    [-1.0, 0.0, 0.0, 207.0],
    [0.0, 0.0, 0.0, 1.0]
],
  "dcmmeta_shape": [208, 300, 320],
  "dcmmeta_slice_dim": 0,
  "dcmmeta_version": 0.6,
  "global": {
    "const": {
      "AcquisitionMatrix": [0, 320, 304, 0],
      "AcquisitionNumber": 1,
      "AcquisitionTime": "103948.547500",
      "AngioFlag": "N",
      "BitsAllocated": 16,
      "BitsStored": 12,
      "Columns": 300,
      "EchoNumbers": 1,
      "EchoTime": 571.0,
      "EchoTrainLength": 183,
      "FlipAngle": 120.0,
      "HighBit": 11,
      "ImageOrientationPatient": [-0.0819385196256, 0.99663738591404, 3.7235198e-08, -0.0069577672947, -0.0005719953172, -0.9999756308509],
      "ImageType": [
        "ORIGINAL",
        "PRIMARY",
        "M",
        "ND"
],
      "ImagedNucleus": "1H",
      "ImagingFrequency": 123.234487,
      "InPlanePhaseEncodingDirection": "ROW",
      "MRAcquisitionType": "3D",
      "MagneticFieldStrength": 3.0,
      "Manufacturer": "SIEMENS",
      "ManufacturerModelName": "TrioTim",
      "Modality": "MR",
      "NumberOfAverages": 1.0,
      "NumberOfPhaseEncodingSteps": 310,
      "PercentPhaseFieldOfView": 93.75,
      "PercentSampling": 101.2121,
      "PerformedProcedureStepStartTime": "101628.609000",
      "PhotometricInterpretation": "MONOCHROME2",
      "PixelBandwidth": 744.0,
      "PixelRepresentation": 0,
      "PixelSpacing": [0.80000001192093, 0.80000001192093],
      "ProtocolName": "t2_spc_sag_p2_iso",
      "RepetitionTime": 3200.0,
      "Rows": 320,
      "SAR": 0.28331947672832,
      "SamplesPerPixel": 1,
      "ScanOptions": "PFP",
      "ScanningSequence": "SE",
      "SequenceName": "*spc3d1_366ns",
      "SequenceVariant": [
        "SK",
        "SP",
        "OSP"
],
      "SeriesDescription": "t2_spc_sag_p2_iso",
      "SeriesNumber": 3,
      "SeriesTime": "104533.578000",
      "SliceThickness": 0.8299999833107,
      "SmallestImagePixelValue": 0,
      "SoftwareVersions": "syngo MR B19",
      "SpecificCharacterSet": "ISO_IR 100",
      "StudyID": "1",
      "StudyTime": "101628.468000",
      "TransmitCoilName": "Body",
      "VariableFlipAngleFlag": "Y",
      "WindowCenterWidthExplanation": "Algo1",
      "dBdt": 0.0},
