{
  "AcquisitionMatrixPE": 304,
  "AcquisitionNumber": 1,
  "AcquisitionTime": "10:46:2.740000",
  "BaseResolution": 320,
  "CoilString": "C:HEA;HEP",
  "ConversionSoftware": "dcm2niix",
  "ConversionSoftwareVersion": "v1.0.20210317",
  "DeviceSerialNumber": "35450",
  "DwellTime": 2.1e-06,
  "EchoTime": 0.571,
  "EchoTrainLength": 183,
  "FlipAngle": 120,
  "ImageOrientationPatientDICOM": [-0.0471112, 0.99889, -1.44291e-08, 0.0244021, 0.00115087, -0.999702],
  "ImageType": [
    "ORIGINAL",
    "PRIMARY",
    "M",
    "ND"
],
  "ImagingFrequency": 123.234,
  "InPlanePhaseEncodingDirectionDICOM": "ROW",
  "InstitutionAddress": "Univeristy Ave. 197,Newark,North East,US,07102-1814",
  "InstitutionName": "RUBIC",
  "InstitutionalDepartmentName": "Department",
  "MRAcquisitionType": "3D",
  "MagneticFieldStrength": 3,
  "Manufacturer": "Siemens",
  "ManufacturersModelName": "TrioTim",
  "Modality": "MR",
  "ParallelReductionFactorInPlane": 2,
  "PartialFourier": 1,
  "PatientPosition": "HFS",
  "PercentPhaseFOV": 93.75,
  "PercentSampling": 101.212,
  "PhaseEncodingDirection": "i",
  "PhaseEncodingSteps": 310,
  "PhaseOversampling": 0.101562,
  "PhaseResolution": 1.01212,
  "PixelBandwidth": 744,
  "ProcedureStepDescription": "Cole^Michael",
  "ProtocolName": "t2_spc_sag_p2_iso",
  "PulseSequenceDetails": "%SiemensSeq%\\tse_vfl",
  "ReceiveCoilName": "32Ch_Head",
  "ReconMatrixPE": 300,
  "RefLinesPE": 32,
  "RepetitionTime": 3.2,
  "SAR": 0.253542,
  "ScanOptions": "PFP",
  "ScanningSequence": "SE",
  "SequenceName": "*spc3d1_366ns",
  "SequenceVariant": "SK\\SP\\OSP",
  "SeriesDescription": "t2_spc_sag_p2_iso",
  "SeriesNumber": 3,
  "ShimSetting": [2097, -359, -7619, -55, -7, -174, -114, 27],
  "SliceThickness": 0.83,
  "SoftwareVersions": "syngo MR B19",
  "StationName": "MRC35450",
  "TxRefAmp": 334.919,
  "dcmmeta_affine": [
    [0.8288309574127197, -0.03768892213702202, 0.019521648064255714, -83.94947052001953],
    [0.0390905886888504, 0.7991117238998413, 0.000920698163099587, -100.90887451171875],
    [-0.020276222378015518, 1.1543287214976772e-08, 0.7997612357139587, -153.52944946289062],
    [0.0, 0.0, 0.0, 1.0]
],
  "dcmmeta_reorient_transform": [
    [0.0, 0.0, -1.0, 319.0],
    [0.0, -1.0, 0.0, 299.0],
    [-1.0, 0.0, 0.0, 207.0],
    [0.0, 0.0, 0.0, 1.0]
],
  "dcmmeta_shape": [208, 300, 320],
  "dcmmeta_slice_dim": 0,
  "dcmmeta_version": 0.6,
  "global": {
    "const": {
      "AcquisitionMatrix": [0, 320, 304, 0],
      "AcquisitionNumber": 1,
      "AcquisitionTime": "104602.740000",
      "AngioFlag": "N",
      "BitsAllocated": 16,
      "BitsStored": 12,
      "Columns": 300,
      "EchoNumbers": 1,
      "EchoTime": 571.0,
      "EchoTrainLength": 183,
      "FlipAngle": 120.0,
      "HighBit": 11,
      "ImageOrientationPatient": [-0.0471111532325, 0.99888965318553, -1.4429109e-08, 0.02440206043402, 0.00115087265127, -0.999701562937],
      "ImageType": [
        "ORIGINAL",
        "PRIMARY",
        "M",
        "ND"
],
      "ImagedNucleus": "1H",
      "ImagingFrequency": 123.234416,
      "InPlanePhaseEncodingDirection": "ROW",
      "MRAcquisitionType": "3D",
      "MagneticFieldStrength": 3.0,
      "Manufacturer": "SIEMENS",
      "ManufacturerModelName": "TrioTim",
      "Modality": "MR",
      "NumberOfAverages": 1.0,
      "NumberOfPhaseEncodingSteps": 310,
      "PercentPhaseFieldOfView": 93.75,
      "PercentSampling": 101.2121,
      "PerformedProcedureStepStartTime": "100138.484000",
      "PhotometricInterpretation": "MONOCHROME2",
      "PixelBandwidth": 744.0,
      "PixelRepresentation": 0,
      "PixelSpacing": [0.80000001192093, 0.80000001192093],
      "ProtocolName": "t2_spc_sag_p2_iso",
      "RepetitionTime": 3200.0,
      "Rows": 320,
      "SAR": 0.25354200726195,
      "SamplesPerPixel": 1,
      "ScanOptions": "PFP",
      "ScanningSequence": "SE",
      "SequenceName": "*spc3d1_366ns",
      "SequenceVariant": [
        "SK",
        "SP",
        "OSP"
],
      "SeriesDescription": "t2_spc_sag_p2_iso",
      "SeriesNumber": 3,
      "SeriesTime": "105158.453000",
      "SliceThickness": 0.8299999833107,
      "SmallestImagePixelValue": 0,
      "SoftwareVersions": "syngo MR B19",
      "SpecificCharacterSet": "ISO_IR 100",
      "StudyID": "1",
      "StudyTime": "100138.359000",
      "TransmitCoilName": "Body",
      "VariableFlipAngleFlag": "Y",
      "WindowCenterWidthExplanation": "Algo1",
      "dBdt": 0.0},
