{
  "AcquisitionMatrixPE": 104,
  "AcquisitionNumber": 1,
  "AcquisitionTime": "16:17:51.772500",
  "BandwidthPerPixelPhaseEncode": 13.935,
  "BaseResolution": 104,
  "CoilString": "C:HEA;HEP",
  "ConversionSoftware": "dcm2niix",
  "ConversionSoftwareVersion": "v1.0.20210317",
  "DerivedVendorReportedEchoSpacing": 0.000690017,
  "DeviceSerialNumber": "35450",
  "DwellTime": 2.5e-06,
  "EchoTime": 0.0348,
  "EffectiveEchoSpacing": 0.000690017,
  "FlipAngle": 55,
  "ImageComments": "Single-band reference",
  "ImageOrientationPatientDICOM": [0.999986, 0.000501827, 0.00521186, 1.72622e-08, 0.995396, -0.0958458],
  "ImageType": [
    "ORIGINAL",
    "PRIMARY",
    "M",
    "ND",
    "MOSAIC"
],
  "ImagingFrequency": 123.234,
  "InPlanePhaseEncodingDirectionDICOM": "COL",
  "InstitutionAddress": "Univeristy Ave. 197,Newark,North East,US,07102-1814",
  "InstitutionName": "RUBIC",
  "InstitutionalDepartmentName": "Department",
  "MRAcquisitionType": "2D",
  "MagneticFieldStrength": 3,
  "Manufacturer": "Siemens",
  "ManufacturersModelName": "TrioTim",
  "Modality": "MR",
  "PartialFourier": 0.875,
  "PatientPosition": "HFS",
  "PercentPhaseFOV": 100,
  "PercentSampling": 100,
  "PhaseEncodingDirection": "j-",
  "PhaseEncodingSteps": 91,
  "PhaseResolution": 1,
  "PixelBandwidth": 1923,
  "ProcedureStepDescription": "Cole^Michael",
  "ProtocolName": "cmrr_mbep2d_bold_2mm_MB8_Rest",
  "PulseSequenceDetails": "%CustomerSeq%\\cmrr_mbep2d_bold",
  "ReceiveCoilName": "32Ch_Head",
  "ReconMatrixPE": 104,
  "RepetitionTime": 0.785,
  "SAR": 0.116499,
  "ScanOptions": "PFP\\FS",
  "ScanningSequence": "EP",
  "SequenceName": "epfid2d1_104",
  "SequenceVariant": "SK\\SS",
  "SeriesDescription": "cmrr_mbep2d_bold_2mm_MB8_Rest_SBRef",
  "SeriesNumber": 8,
  "ShimSetting": [2106, -357, -7304, 404, 24, -464, 92, 61],
  "SliceThickness": 2,
  "SliceTiming": [0, 0.0875, 0.175, 0.2625, 0.35, 0.4375, 0.525, 0.6125, 0.7, 0.7875, 0.875, 0.9625, 1.05, 1.1375, 1.225, 1.3125, 1.4, 1.4875, 1.575, 1.6625, 1.75, 1.8375, 1.925, 2.0125, 2.1, 2.1875, 2.275, 2.3625, 2.45, 2.5375, 2.625, 2.7125, 2.8, 2.8875, 2.975, 3.0625, 3.15, 3.2375, 3.325, 3.4125, 3.5, 3.5875, 3.675, 3.7625, 3.85, 3.9375, 4.025, 4.1125, 4.2025, 4.29, 4.3775, 4.465, 4.5525, 4.64, 4.7275, 4.815, 4.9025, 4.99, 5.0775, 5.165, 5.2525, 5.34, 5.4275, 5.515, 5.6025, 5.69, 5.7775, 5.865, 5.9525, 6.04, 6.1275, 6.215],
  "SoftwareVersions": "syngo MR B19",
  "SpacingBetweenSlices": 2,
  "StationName": "MRC35450",
  "TaskName": "rest",
  "TotalReadoutTime": 0.0710717,
  "TxRefAmp": 319.053,
  "dcmmeta_affine": [
    [-1.9999725818634033, 3.4524390457590926e-08, 0.010471921414136887, 102.9488525390625],
    [-0.001003654790110886, 1.9907923936843872, -0.1916888803243637, -82.06574249267578],
    [0.01042371429502964, 0.19169150292873383, 1.99076509475708, -93.67761993408203],
    [0.0, 0.0, 0.0, 1.0]
],
  "dcmmeta_reorient_transform": [
    [0.0, -1.0, 0.0, 103.0],
    [1.0, 0.0, 0.0, 0.0],
    [0.0, 0.0, 1.0, 0.0],
    [0.0, 0.0, 0.0, 1.0]
],
  "dcmmeta_shape": [104, 104, 72],
  "dcmmeta_slice_dim": 2,
  "dcmmeta_version": 0.6,
  "global": {
    "const": {
      "AcquisitionMatrix": [104, 0, 0, 104],
      "AcquisitionNumber": 1,
      "AcquisitionTime": "161751.772500",
      "AngioFlag": "N",
      "BitsAllocated": 16,
      "BitsStored": 12,
      "Columns": 936,
      "ContentTime": "161820.531000",
      "DataSetTrailingPadding": "\u0000\u0000\u0000\u0000\u0000\u0000\u0000\u0000\u0000\u0000\u0000\u0000\u0000\u0000\u0000\u0000\u0000\u0000\u0000\u0000\u0000\u0000\u0000\u0000\u0000\u0000\u0000\u0000\u0000\u0000\u0000\u0000\u0000\u0000\u0000\u0000\u0000\u0000\u0000\u0000\u0000\u0000\u0000\u0000\u0000\u0000\u0000\u0000\u0000\u0000\u0000\u0000\u0000\u0000\u0000\u0000\u0000\u0000\u0000\u0000\u0000\u0000\u0000\u0000\u0000\u0000\u0000\u0000\u0000\u0000\u0000\u0000",
      "EchoNumbers": 1,
      "EchoTime": 34.8,
      "EchoTrainLength": 1,
      "FlipAngle": 55.0,
      "HighBit": 11,
      "ImageOrientationPatient": [0.99998629226404, 0.00050182740353, 0.00521185698867, 1.7262196e-08, 0.9953961984302, -0.0958457518657],
      "ImagePositionPatient": [-934.93746614449, -951.5730353957, 1.4740040106946],
      "ImageType": [
        "ORIGINAL",
        "PRIMARY",
        "M",
        "ND",
        "MOSAIC"
],
      "ImagedNucleus": "1H",
      "ImagingFrequency": 123.234342,
      "InPlanePhaseEncodingDirection": "COL",
      "InstanceCreationTime": "161820.531000",
      "InstanceNumber": 1,
      "LargestImagePixelValue": 3287,
      "MRAcquisitionType": "2D",
      "MagneticFieldStrength": 3.0,
      "Manufacturer": "SIEMENS",
      "ManufacturerModelName": "TrioTim",
      "Modality": "MR",
      "NumberOfAverages": 1.0,
      "NumberOfPhaseEncodingSteps": 91,
      "PercentPhaseFieldOfView": 100.0,
      "PercentSampling": 100.0,
      "PerformedProcedureStepStartTime": "153153.734000",
      "PhotometricInterpretation": "MONOCHROME2",
      "PixelBandwidth": 1923.0,
      "PixelRepresentation": 0,
      "PixelSpacing": [2.0, 2.0],
      "ProtocolName": "cmrr_mbep2d_bold_2mm_MB8_Rest",
      "RepetitionTime": 785.0,
      "Rows": 936,
      "SAR": 0.11649905322267,
      "SamplesPerPixel": 1,
      "ScanOptions": [
        "PFP",
        "FS"
],
      "ScanningSequence": "EP",
      "SequenceName": "epfid2d1_104",
      "SequenceVariant": [
        "SK",
        "SS"
],
      "SeriesDescription": "cmrr_mbep2d_bold_2mm_MB8_Rest_SBRef",
      "SeriesNumber": 8,
      "SeriesTime": "161820.515000",
      "SliceLocation": -84.840489247761,
      "SliceThickness": 2.0,
      "SmallestImagePixelValue": 0,
      "SoftwareVersions": "syngo MR B19",
      "SpacingBetweenSlices": 1.9999999949627,
      "SpecificCharacterSet": "ISO_IR 100",
      "StudyID": "1",
      "StudyTime": "153153.687000",
      "TransmitCoilName": "Body",
      "VariableFlipAngleFlag": "N",
      "WindowCenter": 616.0,
      "WindowCenterWidthExplanation": "Algo1",
      "WindowWidth": 1304.0,
      "dBdt": 0.0},
    "slices": {}
  }
}