{
  "AcquisitionMatrixPE": 104,
  "AcquisitionNumber": 1,
  "AcquisitionTime": "11:34:29.505000",
  "BandwidthPerPixelPhaseEncode": 13.935,
  "BaseResolution": 104,
  "CoilString": "C:HEA;HEP",
  "ConversionSoftware": "dcm2niix",
  "ConversionSoftwareVersion": "v1.0.20210317",
  "DerivedVendorReportedEchoSpacing": 0.000690017,
  "DeviceSerialNumber": "35450",
  "DwellTime": 2.5e-06,
  "EchoTime": 0.0348,
  "EffectiveEchoSpacing": 0.000690017,
  "FlipAngle": 55,
  "ImageComments": "Unaliased MB8/PE3 (remote)",
  "ImageOrientationPatientDICOM": [0.999997, 0.000565318, -0.00257127, -1.44147e-09, 0.976673, 0.21473],
  "ImageType": [
    "ORIGINAL",
    "PRIMARY",
    "M",
    "MB",
    "ND",
    "MOSAIC"
],
  "ImagingFrequency": 123.234,
  "InPlanePhaseEncodingDirectionDICOM": "COL",
  "InstitutionAddress": "Univeristy Ave. 197,Newark,North East,US,07102-1814",
  "InstitutionName": "RUBIC",
  "InstitutionalDepartmentName": "Department",
  "MRAcquisitionType": "2D",
  "MagneticFieldStrength": 3,
  "Manufacturer": "Siemens",
  "ManufacturersModelName": "TrioTim",
  "Modality": "MR",
  "MultibandAccelerationFactor": 8,
  "PartialFourier": 0.875,
  "PatientPosition": "HFS",
  "PercentPhaseFOV": 100,
  "PercentSampling": 100,
  "PhaseEncodingDirection": "j-",
  "PhaseEncodingSteps": 91,
  "PhaseResolution": 1,
  "PixelBandwidth": 1923,
  "ProcedureStepDescription": "Cole^Michael",
  "ProtocolName": "cmrr_mbep2d_bold_2mm_MB8_Rest",
  "PulseSequenceDetails": "%CustomerSeq%\\cmrr_mbep2d_bold",
  "ReceiveCoilName": "32Ch_Head",
  "ReconMatrixPE": 104,
  "RepetitionTime": 0.785,
  "SAR": 0.186509,
  "ScanOptions": "PFP\\FS",
  "ScanningSequence": "EP",
  "SequenceName": "epfid2d1_104",
  "SequenceVariant": "SK\\SS",
  "SeriesDescription": "cmrr_mbep2d_bold_2mm_MB8_Rest",
  "SeriesNumber": 9,
  "ShimSetting": [2102, -516, -7343, 698, -261, -615, -75, 67],
  "SliceThickness": 2,
  "SliceTiming": [0, 0.44, 0.0875, 0.5275, 0.175, 0.615, 0.2625, 0.7025, 0.35, 0, 0.44, 0.0875, 0.5275, 0.175, 0.615, 0.2625, 0.7025, 0.35, 0, 0.44, 0.0875, 0.5275, 0.175, 0.615, 0.2625, 0.7025, 0.35, 0, 0.44, 0.0875, 0.5275, 0.175, 0.615, 0.2625, 0.7025, 0.35, 0, 0.44, 0.0875, 0.5275, 0.175, 0.615, 0.2625, 0.7025, 0.35, 0, 0.44, 0.0875, 0.5275, 0.175, 0.615, 0.2625, 0.7025, 0.35, 0, 0.44, 0.0875, 0.5275, 0.175, 0.615, 0.2625, 0.7025, 0.35, 0, 0.44, 0.0875, 0.5275, 0.175, 0.615, 0.2625, 0.7025, 0.35],
  "SoftwareVersions": "syngo MR B19",
  "SpacingBetweenSlices": 2,
  "StationName": "MRC35450",
  "TaskName": "rest",
  "TotalReadoutTime": 0.0710717,
  "TxRefAmp": 321.351,
  "dcmmeta_affine": [
    [-1.999993085861206, -2.882948102467253e-09, -0.005265367217361927, 98.77291870117188],
    [-0.001130635035224259, 1.953346848487854, 0.42945849895477295, -86.51608276367188],
    [-0.005142543464899063, -0.42945995926856995, 1.9533401727676392, -69.7806167602539],
    [0.0, 0.0, 0.0, 1.0]
],
  "dcmmeta_reorient_transform": [
    [0.0, -1.0, 0.0, 103.0],
    [1.0, 0.0, 0.0, 0.0],
    [0.0, 0.0, 1.0, 0.0],
    [0.0, 0.0, 0.0, 1.0]
],
  "dcmmeta_shape": [104, 104, 72, 1070],
  "dcmmeta_slice_dim": 2,
  "dcmmeta_version": 0.6,
  "global": {
    "const": {
      "AcquisitionMatrix": [104, 0, 0, 104],
      "AngioFlag": "N",
      "BitsAllocated": 16,
      "BitsStored": 12,
      "Columns": 936,
      "EchoNumbers": 1,
      "EchoTime": 34.8,
      "EchoTrainLength": 1,
      "FlipAngle": 55.0,
      "HighBit": 11,
      "ImageOrientationPatient": [0.99999653448279, 0.00056531750045, -0.0025712717758, -1.441474e-09, 0.97667345256025, 0.21472998641095],
      "ImagePositionPatient": [-930.77003125571, -927.74130329097, -290.53104212796],
      "ImageType": [
        "ORIGINAL",
        "PRIMARY",
        "M",
        "MB",
        "ND",
        "MOSAIC"
],
      "ImagedNucleus": "1H",
      "ImagingFrequency": 123.234324,
      "InPlanePhaseEncodingDirection": "COL",
      "MRAcquisitionType": "2D",
      "MagneticFieldStrength": 3.0,
      "Manufacturer": "SIEMENS",
      "ManufacturerModelName": "TrioTim",
      "Modality": "MR",
      "NumberOfAverages": 1.0,
      "NumberOfPhaseEncodingSteps": 91,
      "PercentPhaseFieldOfView": 100.0,
      "PercentSampling": 100.0,
      "PerformedProcedureStepStartTime": "110212.593000",
      "PhotometricInterpretation": "MONOCHROME2",
      "PixelBandwidth": 1923.0,
      "PixelRepresentation": 0,
      "PixelSpacing": [2.0, 2.0],
      "ProtocolName": "cmrr_mbep2d_bold_2mm_MB8_Rest",
      "RepetitionTime": 785.0,
      "Rows": 936,
      "SAR": 0.18650865807986,
      "SamplesPerPixel": 1,
      "ScanOptions": [
        "PFP",
        "FS"
],
      "ScanningSequence": "EP",
      "SequenceName": "epfid2d1_104",
      "SequenceVariant": [
        "SK",
        "SS"
],
      "SeriesDescription": "cmrr_mbep2d_bold_2mm_MB8_Rest",
      "SeriesNumber": 9,
      "SeriesTime": "113454.234000",
      "SliceLocation": -86.990208476482,
      "SliceThickness": 2.0,
      "SmallestImagePixelValue": 0,
      "SoftwareVersions": "syngo MR B19",
      "SpacingBetweenSlices": 2.0000000383818,
      "SpecificCharacterSet": "ISO_IR 100",
      "StudyID": "1",
      "StudyTime": "110212.468000",
      "TransmitCoilName": "Body",
      "VariableFlipAngleFlag": "N",
      "WindowCenterWidthExplanation": "Algo1",
      "dBdt": 0.0},
