{
  "AcquisitionMatrixPE": 104,
  "AcquisitionNumber": 1,
  "AcquisitionTime": "16:17:14.760000",
  "BandwidthPerPixelPhaseEncode": 13.935,
  "BaseResolution": 104,
  "CoilString": "C:HEA;HEP",
  "ConversionSoftware": "dcm2niix",
  "ConversionSoftwareVersion": "v1.0.20210317",
  "DerivedVendorReportedEchoSpacing": 0.000690017,
  "DeviceSerialNumber": "35450",
  "DwellTime": 2.5e-06,
  "EchoTime": 0.0348,
  "EffectiveEchoSpacing": 0.000690017,
  "FlipAngle": 55,
  "ImageComments": "Unaliased MB8/PE3",
  "ImageOrientationPatientDICOM": [1, 3.08791e-05, -0.000769807, 3.38229e-08, 0.999195, 0.0401244],
  "ImageType": [
    "ORIGINAL",
    "PRIMARY",
    "M",
    "MB",
    "ND",
    "MOSAIC"
],
  "ImagingFrequency": 123.235,
  "InPlanePhaseEncodingDirectionDICOM": "COL",
  "InstitutionAddress": "Univeristy Ave. 197,Newark,North East,US,07102-1814",
  "InstitutionName": "RUBIC",
  "InstitutionalDepartmentName": "Department",
  "MRAcquisitionType": "2D",
  "MagneticFieldStrength": 3,
  "Manufacturer": "Siemens",
  "ManufacturersModelName": "TrioTim",
  "Modality": "MR",
  "MultibandAccelerationFactor": 8,
  "PartialFourier": 0.875,
  "PatientPosition": "HFS",
  "PercentPhaseFOV": 100,
  "PercentSampling": 100,
  "PhaseEncodingDirection": "j-",
  "PhaseEncodingSteps": 91,
  "PhaseResolution": 1,
  "PixelBandwidth": 1923,
  "ProcedureStepDescription": "Cole^Michael",
  "ProtocolName": "cmrr_mbep2d_bold_2mm_MB8_Task_8x",
  "PulseSequenceDetails": "%CustomerSeq%\\cmrr_mbep2d_bold",
  "ReceiveCoilName": "32Ch_Head",
  "ReconMatrixPE": 104,
  "RepetitionTime": 0.785,
  "SAR": 0.119095,
  "ScanOptions": "PFP\\FS",
  "ScanningSequence": "EP",
  "SequenceName": "epfid2d1_104",
  "SequenceVariant": "SK\\SS",
  "SeriesDescription": "cmrr_mbep2d_bold_2mm_MB8_Task_8x",
  "SeriesNumber": 23,
  "ShimSetting": [2136, -396, -7361, 611, 126, -283, 243, 115],
  "SliceThickness": 2,
  "SliceTiming": [0, 0.4375, 0.0875, 0.525, 0.175, 0.6125, 0.2625, 0.7, 0.35, 0, 0.4375, 0.0875, 0.525, 0.175, 0.6125, 0.2625, 0.7, 0.35, 0, 0.4375, 0.0875, 0.525, 0.175, 0.6125, 0.2625, 0.7, 0.35, 0, 0.4375, 0.0875, 0.525, 0.175, 0.6125, 0.2625, 0.7, 0.35, 0, 0.4375, 0.0875, 0.525, 0.175, 0.6125, 0.2625, 0.7, 0.35, 0, 0.4375, 0.0875, 0.525, 0.175, 0.6125, 0.2625, 0.7, 0.35, 0, 0.4375, 0.0875, 0.525, 0.175, 0.6125, 0.2625, 0.7, 0.35, 0, 0.4375, 0.0875, 0.525, 0.175, 0.6125, 0.2625, 0.7, 0.35],
  "SoftwareVersions": "syngo MR B19",
  "SpacingBetweenSlices": 2,
  "StationName": "MRC35450",
  "TaskName": "cpro",
  "TotalReadoutTime": 0.0710717,
  "TxRefAmp": 316.635,
  "dcmmeta_affine": [
    [-1.9999994039535522, 6.764582849427825e-08, -0.001540852477774024, 103.8758316040039],
    [-6.175820453790948e-05, 1.9983893632888794, 0.08024879544973373, -95.44953918457031],
    [-0.0015396144008263946, -0.08024881780147552, 1.9983887672424316, -80.98434448242188],
    [0.0, 0.0, 0.0, 1.0]
],
  "dcmmeta_reorient_transform": [
    [0.0, -1.0, 0.0, 103.0],
    [1.0, 0.0, 0.0, 0.0],
    [0.0, 0.0, 1.0, 0.0],
    [0.0, 0.0, 0.0, 1.0]
],
  "dcmmeta_shape": [104, 104, 72, 581],
  "dcmmeta_slice_dim": 2,
  "dcmmeta_version": 0.6,
  "global": {
    "const": {
      "AcquisitionMatrix": [104, 0, 0, 104],
      "AngioFlag": "N",
      "BitsAllocated": 16,
      "BitsStored": 12,
      "Columns": 936,
      "EchoNumbers": 1,
      "EchoTime": 34.8,
      "EchoTrainLength": 1,
      "FlipAngle": 55.0,
      "HighBit": 11,
      "ImageOrientationPatient": [0.99999970322165, 3.087910234e-05, -0.0007698071778, 3.3822915e-08, 0.99919469164063, 0.04012440899488],
      "ImagePositionPatient": [-935.87561766422, -941.74024117954, -121.99300416356],
      "ImageType": [
        "ORIGINAL",
        "PRIMARY",
        "M",
        "MB",
        "ND",
        "MOSAIC"
],
      "ImagedNucleus": "1H",
      "ImagingFrequency": 123.234798,
      "InPlanePhaseEncodingDirection": "COL",
      "MRAcquisitionType": "2D",
      "MagneticFieldStrength": 3.0,
      "Manufacturer": "SIEMENS",
      "ManufacturerModelName": "TrioTim",
      "Modality": "MR",
      "NumberOfAverages": 1.0,
      "NumberOfPhaseEncodingSteps": 91,
      "PercentPhaseFieldOfView": 100.0,
      "PercentSampling": 100.0,
      "PerformedProcedureStepStartTime": "144413.281000",
      "PhotometricInterpretation": "MONOCHROME2",
      "PixelBandwidth": 1923.0,
      "PixelRepresentation": 0,
      "PixelSpacing": [2.0, 2.0],
      "ProtocolName": "cmrr_mbep2d_bold_2mm_MB8_Task_8x",
      "RepetitionTime": 785.0,
      "Rows": 936,
      "SAR": 0.1190948937252,
      "SamplesPerPixel": 1,
      "ScanOptions": [
        "PFP",
        "FS"
],
      "ScanningSequence": "EP",
      "SequenceName": "epfid2d1_104",
      "SequenceVariant": [
        "SK",
        "SS"
],
      "SeriesDescription": "cmrr_mbep2d_bold_2mm_MB8_Task_8x",
      "SeriesNumber": 23,
      "SeriesTime": "174945.843000",
      "SliceLocation": -84.828989731311,
      "SliceThickness": 2.0,
      "SmallestImagePixelValue": 0,
      "SoftwareVersions": "syngo MR B19",
      "SpacingBetweenSlices": 1.9999999568563,
      "SpecificCharacterSet": "ISO_IR 100",
      "StudyID": "1",
      "StudyTime": "144413.250000",
      "TransmitCoilName": "Body",
      "VariableFlipAngleFlag": "N",
      "WindowCenterWidthExplanation": "Algo1",
      "dBdt": 0.0},
