{
  "AcquisitionMatrixPE": 304,
  "AcquisitionNumber": 1,
  "AcquisitionTime": "15:13:13.200000",
  "BaseResolution": 320,
  "CoilString": "C:HEA;HEP",
  "ConversionSoftware": "dcm2niix",
  "ConversionSoftwareVersion": "v1.0.20210317",
  "DeviceSerialNumber": "35450",
  "DwellTime": 2.1e-06,
  "EchoTime": 0.565,
  "EchoTrainLength": 183,
  "FlipAngle": 120,
  "ImageOrientationPatientDICOM": [0.0122172, 0.999925, 3.41594e-08, 0.00523512, -6.39289e-05, -0.999986],
  "ImageType": [
    "ORIGINAL",
    "PRIMARY",
    "M",
    "ND"
],
  "ImagingFrequency": 123.235,
  "InPlanePhaseEncodingDirectionDICOM": "ROW",
  "InstitutionAddress": "Univeristy Ave. 197,Newark,North East,US,07102-1814",
  "InstitutionName": "RUBIC",
  "InstitutionalDepartmentName": "Department",
  "MRAcquisitionType": "3D",
  "MagneticFieldStrength": 3,
  "Manufacturer": "Siemens",
  "ManufacturersModelName": "TrioTim",
  "Modality": "MR",
  "ParallelReductionFactorInPlane": 2,
  "PartialFourier": 1,
  "PatientPosition": "HFS",
  "PercentPhaseFOV": 93.75,
  "PercentSampling": 101.212,
  "PhaseEncodingDirection": "i",
  "PhaseEncodingSteps": 310,
  "PhaseOversampling": 0.101562,
  "PhaseResolution": 1.01212,
  "PixelBandwidth": 744,
  "ProcedureStepDescription": "Cole^Michael",
  "ProtocolName": "t2_spc_sag_p2_iso",
  "PulseSequenceDetails": "%SiemensSeq%\\tse_vfl",
  "ReceiveCoilName": "32Ch_Head",
  "ReconMatrixPE": 300,
  "RefLinesPE": 32,
  "RepetitionTime": 3.2,
  "SAR": 0.241119,
  "ScanOptions": "PFP",
  "ScanningSequence": "SE",
  "SequenceName": "*spc3d1_366ns",
  "SequenceVariant": "SK\\SP\\OSP",
  "SeriesDescription": "t2_spc_sag_p2_iso",
  "SeriesNumber": 3,
  "ShimSetting": [2097, -359, -7619, -55, -7, -174, -114, 27],
  "SliceThickness": 0.83,
  "SoftwareVersions": "syngo MR B19",
  "StationName": "MRC35450",
  "TxRefAmp": 315.523,
  "dcmmeta_affine": [
    [0.8299266695976257, 0.009773725643754005, 0.004188098479062319, -88.69757080078125],
    [-0.010140101425349712, 0.799940288066864, -5.114314262755215e-05, -106.60804748535156],
    [-0.004345475696027279, -2.7327548224320708e-08, 0.7999890446662903, -151.1558837890625],
    [0.0, 0.0, 0.0, 1.0]
],
  "dcmmeta_reorient_transform": [
    [0.0, 0.0, -1.0, 319.0],
    [0.0, -1.0, 0.0, 299.0],
    [-1.0, 0.0, 0.0, 207.0],
    [0.0, 0.0, 0.0, 1.0]
],
  "dcmmeta_shape": [208, 300, 320],
  "dcmmeta_slice_dim": 0,
  "dcmmeta_version": 0.6,
  "global": {
    "const": {
      "AcquisitionMatrix": [0, 320, 304, 0],
      "AcquisitionNumber": 1,
      "AcquisitionTime": "151313.200000",
      "AngioFlag": "N",
      "BitsAllocated": 16,
      "BitsStored": 12,
      "Columns": 300,
      "EchoNumbers": 1,
      "EchoTime": 565.0,
      "EchoTrainLength": 183,
      "FlipAngle": 120.0,
      "HighBit": 11,
      "ImageOrientationPatient": [0.01221715665811, 0.99992536775661, 3.4159434e-08, 0.00523512279079, -6.39289275e-05, -0.9999862946073],
      "ImageType": [
        "ORIGINAL",
        "PRIMARY",
        "M",
        "ND"
],
      "ImagedNucleus": "1H",
      "ImagingFrequency": 123.23468,
      "InPlanePhaseEncodingDirection": "ROW",
      "MRAcquisitionType": "3D",
      "MagneticFieldStrength": 3.0,
      "Manufacturer": "SIEMENS",
      "ManufacturerModelName": "TrioTim",
      "Modality": "MR",
      "NumberOfAverages": 1.0,
      "NumberOfPhaseEncodingSteps": 310,
      "PercentPhaseFieldOfView": 93.75,
      "PercentSampling": 101.2121,
      "PerformedProcedureStepStartTime": "145533.859000",
      "PhotometricInterpretation": "MONOCHROME2",
      "PixelBandwidth": 744.0,
      "PixelRepresentation": 0,
      "PixelSpacing": [0.80000001192093, 0.80000001192093],
      "ProtocolName": "t2_spc_sag_p2_iso",
      "RepetitionTime": 3200.0,
      "Rows": 320,
      "SAR": 0.24111888451253,
      "SamplesPerPixel": 1,
      "ScanOptions": "PFP",
      "ScanningSequence": "SE",
      "SequenceName": "*spc3d1_366ns",
      "SequenceVariant": [
        "SK",
        "SP",
        "OSP"
],
      "SeriesDescription": "t2_spc_sag_p2_iso",
      "SeriesNumber": 3,
      "SeriesTime": "151914.593000",
      "SliceThickness": 0.8299999833107,
      "SmallestImagePixelValue": 0,
      "SoftwareVersions": "syngo MR B19",
      "SpecificCharacterSet": "ISO_IR 100",
      "StudyID": "1",
      "StudyTime": "145533.765000",
      "TransmitCoilName": "Body",
      "VariableFlipAngleFlag": "Y",
      "WindowCenterWidthExplanation": "Algo1",
      "dBdt": 0.0},
