{
  "AcquisitionMatrixPE": 104,
  "AcquisitionNumber": 1,
  "AcquisitionTime": "14:30:11.372500",
  "BandwidthPerPixelPhaseEncode": 13.935,
  "BaseResolution": 104,
  "CoilString": "C:HEA;HEP",
  "ConversionSoftware": "dcm2niix",
  "ConversionSoftwareVersion": "v1.0.20210317",
  "DerivedVendorReportedEchoSpacing": 0.000690017,
  "DeviceSerialNumber": "35450",
  "DwellTime": 2.1e-06,
  "EchoTime": 0.077,
  "EffectiveEchoSpacing": 0.000690017,
  "FlipAngle": 90,
  "ImageOrientationPatientDICOM": [0.999976, 0.000596284, 0.00695574, 3.36649e-08, 0.996345, -0.0854169],
  "ImageType": [
    "ORIGINAL",
    "PRIMARY",
    "M",
    "ND",
    "MOSAIC"
],
  "ImagingFrequency": 123.235,
  "InPlanePhaseEncodingDirectionDICOM": "COL",
  "InstitutionAddress": "Univeristy Ave. 197,Newark,North East,US,07102-1814",
  "InstitutionName": "RUBIC",
  "InstitutionalDepartmentName": "Department",
  "MRAcquisitionType": "2D",
  "MagneticFieldStrength": 3,
  "Manufacturer": "Siemens",
  "ManufacturersModelName": "TrioTim",
  "Modality": "MR",
  "PartialFourier": 1,
  "PatientPosition": "HFS",
  "PercentPhaseFOV": 100,
  "PercentSampling": 100,
  "PhaseEncodingDirection": "j-",
  "PhaseEncodingSteps": 104,
  "PhaseResolution": 1,
  "PixelBandwidth": 2289,
  "ProcedureStepDescription": "Cole^Michael",
  "ProtocolName": "cmrr_mbep2d_se_AP",
  "PulseSequenceDetails": "%CustomerSeq%\\cmrr_mbep2d_se",
  "ReceiveCoilName": "32Ch_Head",
  "ReconMatrixPE": 104,
  "RepetitionTime": 9.14,
  "SAR": 0.224615,
  "ScanOptions": "FS",
  "ScanningSequence": "EP",
  "SequenceName": "epse2d1_104",
  "SequenceVariant": "SK",
  "SeriesDescription": "cmrr_mbep2d_se_AP",
  "SeriesNumber": 6,
  "ShimSetting": [2123, -356, -7519, 575, 113, 169, -261, 80],
  "SliceThickness": 2,
  "SliceTiming": [4.5875, 0, 4.715, 0.1275, 4.8425, 0.255, 4.97, 0.3825, 5.0975, 0.51, 5.225, 0.6375, 5.3525, 0.765, 5.48, 0.8925, 5.6075, 1.02, 5.735, 1.145, 5.8625, 1.2725, 5.99, 1.4, 6.1175, 1.5275, 6.245, 1.655, 6.37, 1.7825, 6.4975, 1.91, 6.625, 2.0375, 6.7525, 2.165, 6.88, 2.2925, 7.0075, 2.42, 7.135, 2.5475, 7.2625, 2.675, 7.39, 2.8025, 7.5175, 2.93, 7.645, 3.0575, 7.7725, 3.185, 7.9, 3.3125, 8.0275, 3.44, 8.155, 3.5675, 8.2825, 3.695, 8.41, 3.8225, 8.5375, 3.95, 8.665, 4.0775, 8.7925, 4.205, 8.92, 4.3325, 9.0475, 4.46],
  "SoftwareVersions": "syngo MR B19",
  "SpacingBetweenSlices": 2,
  "StationName": "MRC35450",
  "TotalReadoutTime": 0.0710717,
  "TxRefAmp": 344.365,
  "dcmmeta_affine": [
    [-1.9999512434005737, 6.732970803113858e-08, 0.013962511904537678, 103.50179290771484],
    [-0.0011925677536055446, 1.9926905632019043, -0.1708296686410904, -82.31025695800781],
    [0.013911489397287369, 0.17083384096622467, 1.9926420450210571, -110.3884048461914],
    [0.0, 0.0, 0.0, 1.0]
],
  "dcmmeta_reorient_transform": [
    [0.0, -1.0, 0.0, 103.0],
    [1.0, 0.0, 0.0, 0.0],
    [0.0, 0.0, 1.0, 0.0],
    [0.0, 0.0, 0.0, 1.0]
],
  "dcmmeta_shape": [104, 104, 72, 3],
  "dcmmeta_slice_dim": 2,
  "dcmmeta_version": 0.6,
  "global": {
    "const": {
      "AcquisitionMatrix": [104, 0, 0, 104],
      "AngioFlag": "N",
      "BitsAllocated": 16,
      "BitsStored": 12,
      "Columns": 936,
      "ContentTime": "143035.531000",
      "EchoNumbers": 1,
      "EchoTime": 77.0,
      "EchoTrainLength": 1,
      "FlipAngle": 90.0,
      "HighBit": 11,
      "ImageOrientationPatient": [0.99997563073306, 0.00059628386872, 0.00695574478872, 3.3664854e-08, 0.9963452965109, -0.0854169194048],
      "ImagePositionPatient": [-935.48155239231, -952.39227071238, -27.512824690175],
      "ImageType": [
        "ORIGINAL",
        "PRIMARY",
        "M",
        "ND",
        "MOSAIC"
],
      "ImagedNucleus": "1H",
      "ImagingFrequency": 123.234654,
      "InPlanePhaseEncodingDirection": "COL",
      "InstanceCreationTime": "143035.531000",
      "LargestImagePixelValue": 4095,
      "MRAcquisitionType": "2D",
      "MagneticFieldStrength": 3.0,
      "Manufacturer": "SIEMENS",
      "ManufacturerModelName": "TrioTim",
      "Modality": "MR",
      "NumberOfAverages": 1.0,
      "NumberOfPhaseEncodingSteps": 104,
      "PercentPhaseFieldOfView": 100.0,
      "PercentSampling": 100.0,
      "PerformedProcedureStepStartTime": "134130.437000",
      "PhotometricInterpretation": "MONOCHROME2",
      "PixelBandwidth": 2289.0,
      "PixelRepresentation": 0,
      "PixelSpacing": [2.0, 2.0],
      "ProtocolName": "cmrr_mbep2d_se_AP",
      "RepetitionTime": 9140.0,
      "Rows": 936,
      "SAR": 0.22461465230531,
      "SamplesPerPixel": 1,
      "ScanOptions": "FS",
      "ScanningSequence": "EP",
      "SequenceName": "epse2d1_104",
      "SequenceVariant": "SK",
      "SeriesDescription": "cmrr_mbep2d_se_AP",
      "SeriesNumber": 6,
      "SeriesTime": "143035.515000",
      "SliceLocation": -102.22920054448,
      "SliceThickness": 2.0,
      "SmallestImagePixelValue": 0,
      "SoftwareVersions": "syngo MR B19",
      "SpacingBetweenSlices": 1.9999999535702,
      "SpecificCharacterSet": "ISO_IR 100",
      "StudyID": "1",
      "StudyTime": "134130.406000",
      "TransmitCoilName": "Body",
      "VariableFlipAngleFlag": "N",
      "WindowCenterWidthExplanation": "Algo1",
      "dBdt": 0.0},
    "slices": {}
  },
  "time": {
    "samples": {
      "AcquisitionNumber": [1, 2, 3],
      "AcquisitionTime": ["143011.372500", "143020.550000", "143029.725000"],
      "InstanceNumber": [1, 2, 3],
      "WindowCenter": [567.0, 566.0, 566.0],
      "WindowWidth": [1238.0, 1237.0, 1237.0]
    },
    "slices": {}
  }
}