{
  "AcquisitionMatrixPE": 304,
  "AcquisitionNumber": 1,
  "AcquisitionTime": "15:24:47.995000",
  "BaseResolution": 320,
  "CoilString": "C:HEA;HEP",
  "ConversionSoftware": "dcm2niix",
  "ConversionSoftwareVersion": "v1.0.20210317",
  "DeviceSerialNumber": "35450",
  "DwellTime": 2.1e-06,
  "EchoTime": 0.565,
  "EchoTrainLength": 183,
  "FlipAngle": 120,
  "ImageOrientationPatientDICOM": [-0.0209463, 0.999781, 1.66898e-08, -0.019189, -0.000402009, -0.999816],
  "ImageType": [
    "ORIGINAL",
    "PRIMARY",
    "M",
    "ND"
],
  "ImagingFrequency": 123.235,
  "InPlanePhaseEncodingDirectionDICOM": "ROW",
  "InstitutionAddress": "Univeristy Ave. 197,Newark,North East,US,07102-1814",
  "InstitutionName": "RUBIC",
  "InstitutionalDepartmentName": "Department",
  "MRAcquisitionType": "3D",
  "MagneticFieldStrength": 3,
  "Manufacturer": "Siemens",
  "ManufacturersModelName": "TrioTim",
  "Modality": "MR",
  "ParallelReductionFactorInPlane": 2,
  "PartialFourier": 1,
  "PatientPosition": "HFS",
  "PercentPhaseFOV": 93.75,
  "PercentSampling": 101.212,
  "PhaseEncodingDirection": "i",
  "PhaseEncodingSteps": 310,
  "PhaseOversampling": 0.101562,
  "PhaseResolution": 1.01212,
  "PixelBandwidth": 744,
  "ProcedureStepDescription": "Cole^Michael",
  "ProtocolName": "t2_spc_sag_p2_iso",
  "PulseSequenceDetails": "%SiemensSeq%\\tse_vfl",
  "ReceiveCoilName": "32Ch_Head",
  "ReconMatrixPE": 300,
  "RefLinesPE": 32,
  "RepetitionTime": 3.2,
  "SAR": 0.264092,
  "ScanOptions": "PFP",
  "ScanningSequence": "SE",
  "SequenceName": "*spc3d1_366ns",
  "SequenceVariant": "SK\\SP\\OSP",
  "SeriesDescription": "t2_spc_sag_p2_iso",
  "SeriesNumber": 4,
  "ShimSetting": [2097, -359, -7619, -55, -7, -174, -114, 27],
  "SliceThickness": 0.83,
  "SoftwareVersions": "syngo MR B19",
  "StationName": "MRC35450",
  "TxRefAmp": 325.76,
  "dcmmeta_affine": [
    [0.8296650648117065, -0.01675703004002571, -0.015351185575127602, -83.64443969726562],
    [0.017382217571139336, 0.7998244762420654, -0.0003216075710952282, -89.05736541748047],
    [0.01593034900724888, -1.3351820093987499e-08, 0.7998526692390442, -146.4652862548828],
    [0.0, 0.0, 0.0, 1.0]
],
  "dcmmeta_reorient_transform": [
    [0.0, 0.0, -1.0, 319.0],
    [0.0, -1.0, 0.0, 299.0],
    [-1.0, 0.0, 0.0, 207.0],
    [0.0, 0.0, 0.0, 1.0]
],
  "dcmmeta_shape": [208, 300, 320],
  "dcmmeta_slice_dim": 0,
  "dcmmeta_version": 0.6,
  "global": {
    "const": {
      "AcquisitionMatrix": [0, 320, 304, 0],
      "AcquisitionNumber": 1,
      "AcquisitionTime": "152447.995000",
      "AngioFlag": "N",
      "BitsAllocated": 16,
      "BitsStored": 12,
      "Columns": 300,
      "EchoNumbers": 1,
      "EchoTime": 565.0,
      "EchoTrainLength": 183,
      "FlipAngle": 120.0,
      "HighBit": 11,
      "ImageOrientationPatient": [-0.0209462883122, 0.99978060243533, 1.6689775e-08, -0.0191889814524, -0.0004020094511, -0.9998157937236],
      "ImageType": [
        "ORIGINAL",
        "PRIMARY",
        "M",
        "ND"
],
      "ImagedNucleus": "1H",
      "ImagingFrequency": 123.234638,
      "InPlanePhaseEncodingDirection": "ROW",
      "MRAcquisitionType": "3D",
      "MagneticFieldStrength": 3.0,
      "Manufacturer": "SIEMENS",
      "ManufacturerModelName": "TrioTim",
      "Modality": "MR",
      "NumberOfAverages": 1.0,
      "NumberOfPhaseEncodingSteps": 310,
      "PercentPhaseFieldOfView": 93.75,
      "PercentSampling": 101.2121,
      "PerformedProcedureStepStartTime": "143941.640000",
      "PhotometricInterpretation": "MONOCHROME2",
      "PixelBandwidth": 744.0,
      "PixelRepresentation": 0,
      "PixelSpacing": [0.80000001192093, 0.80000001192093],
      "ProtocolName": "t2_spc_sag_p2_iso",
      "RepetitionTime": 3200.0,
      "Rows": 320,
      "SAR": 0.2640919444503,
      "SamplesPerPixel": 1,
      "ScanOptions": "PFP",
      "ScanningSequence": "SE",
      "SequenceName": "*spc3d1_366ns",
      "SequenceVariant": [
        "SK",
        "SP",
        "OSP"
],
      "SeriesDescription": "t2_spc_sag_p2_iso",
      "SeriesNumber": 4,
      "SeriesTime": "153043.953000",
      "SliceThickness": 0.8299999833107,
      "SmallestImagePixelValue": 0,
      "SoftwareVersions": "syngo MR B19",
      "SpecificCharacterSet": "ISO_IR 100",
      "StudyID": "1",
      "StudyTime": "143941.593000",
      "TransmitCoilName": "Body",
      "VariableFlipAngleFlag": "Y",
      "dBdt": 0.0},
