{
  "AcquisitionMatrixPE": 104,
  "AcquisitionNumber": 1,
  "AcquisitionTime": "11:07:59.457500",
  "BandwidthPerPixelPhaseEncode": 13.935,
  "BaseResolution": 104,
  "CoilString": "C:HEA;HEP",
  "ConversionSoftware": "dcm2niix",
  "ConversionSoftwareVersion": "v1.0.20210317",
  "DerivedVendorReportedEchoSpacing": 0.000690017,
  "DeviceSerialNumber": "35450",
  "DwellTime": 2.5e-06,
  "EchoTime": 0.0348,
  "EffectiveEchoSpacing": 0.000690017,
  "FlipAngle": 55,
  "ImageComments": "Single-band reference",
  "ImageOrientationPatientDICOM": [0.999754, -0.00574006, -0.0214189, 8.63938e-09, 0.965916, -0.258856],
  "ImageType": [
    "ORIGINAL",
    "PRIMARY",
    "M",
    "ND",
    "MOSAIC"
],
  "ImagingFrequency": 123.234,
  "InPlanePhaseEncodingDirectionDICOM": "COL",
  "InstitutionAddress": "Univeristy Ave. 197,Newark,North East,US,07102-1814",
  "InstitutionName": "RUBIC",
  "InstitutionalDepartmentName": "Department",
  "MRAcquisitionType": "2D",
  "MagneticFieldStrength": 3,
  "Manufacturer": "Siemens",
  "ManufacturersModelName": "TrioTim",
  "Modality": "MR",
  "PartialFourier": 0.875,
  "PatientPosition": "HFS",
  "PercentPhaseFOV": 100,
  "PercentSampling": 100,
  "PhaseEncodingDirection": "j-",
  "PhaseEncodingSteps": 91,
  "PhaseResolution": 1,
  "PixelBandwidth": 1923,
  "ProcedureStepDescription": "Cole^Michael",
  "ProtocolName": "cmrr_mbep2d_bold_2mm_MB8_Rest",
  "PulseSequenceDetails": "%CustomerSeq%\\cmrr_mbep2d_bold",
  "ReceiveCoilName": "32Ch_Head",
  "ReconMatrixPE": 104,
  "RepetitionTime": 0.785,
  "SAR": 0.139288,
  "ScanOptions": "PFP\\FS",
  "ScanningSequence": "EP",
  "SequenceName": "epfid2d1_104",
  "SequenceVariant": "SK\\SS",
  "SeriesDescription": "cmrr_mbep2d_bold_2mm_MB8_Rest_SBRef",
  "SeriesNumber": 8,
  "ShimSetting": [2099, -369, -7322, 330, 31, -362, 427, 93],
  "SliceThickness": 2,
  "SliceTiming": [0, 0.0875, 0.175, 0.2625, 0.35, 0.4375, 0.525, 0.6125, 0.7, 0.7875, 0.875, 0.9625, 1.05, 1.1375, 1.225, 1.3125, 1.4, 1.4875, 1.575, 1.6625, 1.75, 1.8375, 1.925, 2.0125, 2.1, 2.1875, 2.275, 2.3625, 2.45, 2.5375, 2.625, 2.7125, 2.8, 2.8875, 2.975, 3.0625, 3.15, 3.2375, 3.325, 3.4125, 3.5, 3.5875, 3.675, 3.765, 3.8525, 3.94, 4.0275, 4.115, 4.2025, 4.29, 4.3775, 4.465, 4.5525, 4.64, 4.7275, 4.815, 4.9025, 4.99, 5.0775, 5.165, 5.2525, 5.34, 5.4275, 5.515, 5.6025, 5.69, 5.7775, 5.865, 5.9525, 6.04, 6.1275, 6.215],
  "SoftwareVersions": "syngo MR B19",
  "SpacingBetweenSlices": 2,
  "StationName": "MRC35450",
  "TaskName": "rest",
  "TotalReadoutTime": 0.0710717,
  "TxRefAmp": 342.455,
  "dcmmeta_affine": [
    [-1.999508261680603, 1.727876330903655e-08, -0.04434943199157715, 103.35143280029297],
    [0.011480111628770828, 1.9318320751190186, -0.5175837278366089, -68.3075942993164],
    [-0.042837824672460556, 0.5177110433578491, 1.9313570261001587, -120.01380157470703],
    [0.0, 0.0, 0.0, 1.0]
],
  "dcmmeta_reorient_transform": [
    [0.0, -1.0, 0.0, 103.0],
    [1.0, 0.0, 0.0, 0.0],
    [0.0, 0.0, 1.0, 0.0],
    [0.0, 0.0, 0.0, 1.0]
],
  "dcmmeta_shape": [104, 104, 72],
  "dcmmeta_slice_dim": 2,
  "dcmmeta_version": 0.6,
  "global": {
    "const": {
      "AcquisitionMatrix": [104, 0, 0, 104],
      "AcquisitionNumber": 1,
      "AcquisitionTime": "110759.457500",
      "AngioFlag": "N",
      "BitsAllocated": 16,
      "BitsStored": 12,
      "Columns": 936,
      "ContentTime": "110835.125000",
      "EchoNumbers": 1,
      "EchoTime": 34.8,
      "EchoTrainLength": 1,
      "FlipAngle": 55.0,
      "HighBit": 11,
      "ImageOrientationPatient": [0.9997541107618, -0.0057400556602, -0.0214189116413, 8.639382e-09, 0.96591605499928, -0.2588555092993],
      "ImagePositionPatient": [-935.14686229027, -929.53754437184, 166.49875375237],
      "ImageType": [
        "ORIGINAL",
        "PRIMARY",
        "M",
        "ND",
        "MOSAIC"
],
      "ImagedNucleus": "1H",
      "ImagingFrequency": 123.234406,
      "InPlanePhaseEncodingDirection": "COL",
      "InstanceCreationTime": "110835.125000",
      "InstanceNumber": 1,
      "LargestImagePixelValue": 4095,
      "MRAcquisitionType": "2D",
      "MagneticFieldStrength": 3.0,
      "Manufacturer": "SIEMENS",
      "ManufacturerModelName": "TrioTim",
      "Modality": "MR",
      "NumberOfAverages": 1.0,
      "NumberOfPhaseEncodingSteps": 91,
      "PercentPhaseFieldOfView": 100.0,
      "PercentSampling": 100.0,
      "PerformedProcedureStepStartTime": "102230.000000",
      "PhotometricInterpretation": "MONOCHROME2",
      "PixelBandwidth": 1923.0,
      "PixelRepresentation": 0,
      "PixelSpacing": [2.0, 2.0],
      "ProtocolName": "cmrr_mbep2d_bold_2mm_MB8_Rest",
      "RepetitionTime": 785.0,
      "Rows": 936,
      "SAR": 0.13928820330192,
      "SamplesPerPixel": 1,
      "ScanOptions": [
        "PFP",
        "FS"
],
      "ScanningSequence": "EP",
      "SequenceName": "epfid2d1_104",
      "SequenceVariant": [
        "SK",
        "SS"
],
      "SeriesDescription": "cmrr_mbep2d_bold_2mm_MB8_Rest_SBRef",
      "SeriesNumber": 8,
      "SeriesTime": "110835.109000",
      "SliceLocation": -100.50909065418,
      "SliceThickness": 2.0,
      "SmallestImagePixelValue": 0,
      "SoftwareVersions": "syngo MR B19",
      "SpacingBetweenSlices": 1.999999961397,
      "SpecificCharacterSet": "ISO_IR 100",
      "StudyID": "1",
      "StudyTime": "102229.890000",
      "TransmitCoilName": "Body",
      "VariableFlipAngleFlag": "N",
      "WindowCenter": 666.0,
      "WindowCenterWidthExplanation": "Algo1",
      "WindowWidth": 1461.0,
      "dBdt": 0.0},
    "slices": {}
  }
}